GENERATE-LOAD-SCRIPTS: ON
STORAGE: NONE
GITHUB
  remote: fsprojects/FSharp.TypeProviders.SDK
    src/ProvidedTypes.fs (28a24a69ada68ebd1ad25226634f4608e4875493)
    src/ProvidedTypes.fsi (28a24a69ada68ebd1ad25226634f4608e4875493)
    src/ProvidedTypesTesting.fs (28a24a69ada68ebd1ad25226634f4608e4875493)
GROUP Build
GENERATE-LOAD-SCRIPTS: ON
RESTRICTION: >= netcoreapp3.1
NUGET
  remote: https://api.nuget.org/v3/index.json
    Azure.Core (1.29)
      Microsoft.Bcl.AsyncInterfaces (>= 1.1.1)
      System.Diagnostics.DiagnosticSource (>= 4.6)
      System.Memory.Data (>= 1.0.2)
      System.Numerics.Vectors (>= 4.5)
      System.Text.Encodings.Web (>= 4.7.2)
      System.Text.Json (>= 4.7.2)
      System.Threading.Tasks.Extensions (>= 4.5.4)
    Azure.Identity (1.8.2)
      Azure.Core (>= 1.25)
      Microsoft.Identity.Client (>= 4.49.1)
      Microsoft.Identity.Client.Extensions.Msal (>= 2.25.3)
      System.Memory (>= 4.5.4)
      System.Security.Cryptography.ProtectedData (>= 4.7)
      System.Text.Json (>= 4.7.2)
      System.Threading.Tasks.Extensions (>= 4.5.4)
    fake-cli (6.0)
    FSharp.Compiler.Service (43.7.200)
      FSharp.Core (7.0.200)
      System.Buffers (>= 4.5.1)
      System.Collections.Immutable (>= 6.0)
      System.Diagnostics.DiagnosticSource (>= 6.0)
      System.Memory (>= 4.5.5)
      System.Reflection.Emit (>= 4.7)
      System.Reflection.Metadata (>= 6.0)
      System.Runtime.CompilerServices.Unsafe (>= 6.0)
    FSharp.Core (7.0.200)
    FSharp.Formatting (2.4.1)
      FSharp.Compiler.Service (>= 0.0.32)
      Microsoft.AspNet.Razor (>= 2.0.30506)
      RazorEngine (>= 3.3)
    Microsoft.AspNet.Razor (3.2.9)
    Microsoft.Bcl.AsyncInterfaces (7.0)
    Microsoft.CSharp (4.7)
    Microsoft.Data.SqlClient (5.1)
      Azure.Identity (>= 1.7)
      Microsoft.Data.SqlClient.SNI.runtime (>= 5.1)
      Microsoft.Identity.Client (>= 4.47.2)
      Microsoft.IdentityModel.JsonWebTokens (>= 6.24)
      Microsoft.IdentityModel.Protocols.OpenIdConnect (>= 6.24)
      Microsoft.SqlServer.Server (>= 1.0)
      Microsoft.Win32.Registry (>= 5.0) - restriction: || (&& (< net6.0) (>= netcoreapp3.1)) (&& (>= netcoreapp3.1) (< netstandard2.1))
      System.Configuration.ConfigurationManager (>= 6.0.1)
      System.Diagnostics.DiagnosticSource (>= 6.0) - restriction: >= net6.0
      System.Runtime.Caching (>= 6.0)
      System.Runtime.Loader (>= 4.3) - restriction: || (&& (< net6.0) (>= netcoreapp3.1)) (&& (>= netcoreapp3.1) (< netstandard2.1))
      System.Security.Cryptography.Cng (>= 5.0)
      System.Security.Principal.Windows (>= 5.0)
      System.Text.Encoding.CodePages (>= 6.0)
      System.Text.Encodings.Web (>= 6.0)
    Microsoft.Data.SqlClient.SNI.runtime (5.1)
    Microsoft.Identity.Client (4.50)
      Microsoft.CSharp (>= 4.5) - restriction: && (< net6.0) (>= netcoreapp3.1) (>= xamarinios)
      Microsoft.IdentityModel.Abstractions (>= 6.22) - restriction: || (&& (>= monoandroid10.0) (< net6.0) (>= netcoreapp3.1)) (&& (< monoandroid10.0) (>= monoandroid9.0) (< netcoreapp2.1) (>= netcoreapp3.1)) (&& (< monoandroid9.0) (>= net6.0) (< xamarinios)) (&& (< monoandroid9.0) (< net6.0) (>= netcoreapp3.1) (< xamarinios)) (&& (< monoandroid9.0) (< netcoreapp2.1) (>= netcoreapp3.1) (< xamarinios)) (&& (>= net45) (>= netcoreapp3.1) (< netstandard2.0)) (&& (>= net461) (>= netcoreapp3.1)) (&& (< net6.0) (>= netcoreapp3.1) (>= xamarinios)) (>= net6.0-android) (>= net6.0-ios) (>= net6.0-windows10.0.17763.0)
      Microsoft.Web.WebView2 (>= 1.0.864.35) - restriction: >= net6.0-windows10.0.17763.0
      System.ComponentModel.TypeConverter (>= 4.3) - restriction: && (< net6.0) (>= netcoreapp3.1) (>= xamarinios)
      System.Runtime.InteropServices.NFloat.Internal (>= 6.0.1) - restriction: >= net6.0-ios
      System.Runtime.Serialization.Formatters (>= 4.3) - restriction: && (< net6.0) (>= netcoreapp3.1) (>= xamarinios)
      System.Runtime.Serialization.Primitives (>= 4.3) - restriction: && (< net6.0) (>= netcoreapp3.1) (>= xamarinios)
      System.Security.SecureString (>= 4.3) - restriction: || (&& (>= monoandroid10.0) (< net6.0) (>= netcoreapp3.1)) (&& (< monoandroid10.0) (>= monoandroid9.0) (< netcoreapp2.1) (>= netcoreapp3.1)) (&& (< net6.0) (>= netcoreapp3.1) (>= xamarinios)) (>= net6.0-android) (>= net6.0-ios)
      System.Xml.XmlDocument (>= 4.3) - restriction: && (< net6.0) (>= netcoreapp3.1) (>= xamarinios)
      Xamarin.AndroidX.Browser (>= 1.0) - restriction: && (>= monoandroid10.0) (< net6.0) (>= netcoreapp3.1)
    Microsoft.Identity.Client.Extensions.Msal (2.26)
      Microsoft.Identity.Client (>= 4.50)
      System.IO.FileSystem.AccessControl (>= 5.0)
      System.Security.Cryptography.ProtectedData (>= 4.5)
    Microsoft.IdentityModel.Abstractions (6.27)
    Microsoft.IdentityModel.JsonWebTokens (6.27)
      Microsoft.IdentityModel.Tokens (>= 6.27)
      System.Text.Encoding (>= 4.3)
      System.Text.Encodings.Web (>= 4.7.2)
      System.Text.Json (>= 4.7.2)
    Microsoft.IdentityModel.Logging (6.27)
      Microsoft.IdentityModel.Abstractions (>= 6.27)
    Microsoft.IdentityModel.Protocols (6.27)
      Microsoft.IdentityModel.Logging (>= 6.27)
      Microsoft.IdentityModel.Tokens (>= 6.27)
    Microsoft.IdentityModel.Protocols.OpenIdConnect (6.27)
      Microsoft.IdentityModel.Protocols (>= 6.27)
      System.IdentityModel.Tokens.Jwt (>= 6.27)
      System.Text.Encoding (>= 4.3) - restriction: || (&& (>= net461) (>= netcoreapp3.1)) (&& (< net6.0) (>= netcoreapp3.1))
      System.Text.Encodings.Web (>= 4.7.2) - restriction: || (&& (>= net461) (>= netcoreapp3.1)) (&& (< net6.0) (>= netcoreapp3.1))
      System.Text.Json (>= 4.7.2) - restriction: || (&& (>= net461) (>= netcoreapp3.1)) (&& (< net6.0) (>= netcoreapp3.1))
    Microsoft.IdentityModel.Tokens (6.27)
      Microsoft.CSharp (>= 4.5)
      Microsoft.IdentityModel.Logging (>= 6.27)
      System.Security.Cryptography.Cng (>= 4.5)
      System.Text.Encoding (>= 4.3) - restriction: || (&& (>= net461) (>= netcoreapp3.1)) (&& (< net6.0) (>= netcoreapp3.1))
      System.Text.Encodings.Web (>= 4.7.2) - restriction: || (&& (>= net461) (>= netcoreapp3.1)) (&& (< net6.0) (>= netcoreapp3.1))
      System.Text.Json (>= 4.7.2) - restriction: || (&& (>= net461) (>= netcoreapp3.1)) (&& (< net6.0) (>= netcoreapp3.1))
    Microsoft.NETCore.Platforms (7.0) - restriction: || (&& (< monoandroid) (>= netcoreapp3.1) (< netstandard1.2)) (&& (< monoandroid) (>= netcoreapp3.1) (< netstandard1.3)) (&& (< monoandroid) (>= netcoreapp3.1) (< netstandard1.5)) (&& (< monoandroid) (>= netcoreapp3.1) (< xamarinios) (< xamarinmac) (< xamarintvos) (< xamarinwatchos)) (&& (< net6.0) (>= netcoreapp3.1) (< xamarinios) (< xamarinmac) (< xamarintvos) (< xamarinwatchos)) (&& (>= netcoreapp3.1) (< netstandard2.1) (< xamarintvos) (< xamarinwatchos))
    Microsoft.NETCore.Targets (5.0) - restriction: || (&& (< monoandroid) (>= netcoreapp3.1) (< netstandard1.2)) (&& (< monoandroid) (>= netcoreapp3.1) (< netstandard1.3)) (&& (< monoandroid) (>= netcoreapp3.1) (< netstandard1.5)) (&& (< monoandroid) (>= netcoreapp3.1) (< xamarinios) (< xamarinmac) (< xamarintvos) (< xamarinwatchos)) (&& (< net6.0) (>= netcoreapp3.1) (< xamarinios) (< xamarinmac) (< xamarintvos) (< xamarinwatchos)) (&& (>= netcoreapp3.1) (< netstandard2.1) (< xamarintvos) (< xamarinwatchos))
    Microsoft.SqlServer.Server (1.0)
    Microsoft.Web.WebView2 (1.0.1587.40) - restriction: >= net6.0-windows10.0.17763.0
    Microsoft.Win32.Registry (5.0) - restriction: || (&& (< net6.0) (>= netcoreapp3.1)) (&& (>= netcoreapp3.1) (< netstandard2.1))
      System.Buffers (>= 4.5.1) - restriction: || (&& (>= monoandroid) (>= netcoreapp3.1) (< netstandard1.3)) (&& (>= monotouch) (>= netcoreapp3.1)) (&& (< netcoreapp2.0) (>= netcoreapp3.1)) (&& (>= netcoreapp3.1) (>= xamarinios)) (&& (>= netcoreapp3.1) (>= xamarinmac)) (&& (>= netcoreapp3.1) (>= xamarintvos)) (&& (>= netcoreapp3.1) (>= xamarinwatchos))
      System.Security.AccessControl (>= 5.0)
      System.Security.Principal.Windows (>= 5.0)
    Microsoft.Win32.SystemEvents (7.0) - restriction: >= net6.0
    NuGet.CommandLine (6.4)
    RazorEngine (3.10)
    System.Buffers (4.5.1)
    System.Collections.Immutable (7.0)
      System.Memory (>= 4.5.5) - restriction: || (&& (>= net462) (>= netcoreapp3.1)) (&& (< net6.0) (>= netcoreapp3.1))
      System.Runtime.CompilerServices.Unsafe (>= 6.0) - restriction: || (&& (>= net462) (>= netcoreapp3.1)) (&& (>= net6.0) (< net7.0)) (&& (< net6.0) (>= netcoreapp3.1))
    System.ComponentModel.TypeConverter (4.3) - restriction: && (< net6.0) (>= netcoreapp3.1) (>= xamarinios)
    System.Configuration.ConfigurationManager (7.0)
      System.Diagnostics.EventLog (>= 7.0) - restriction: >= net7.0
      System.Security.Cryptography.ProtectedData (>= 7.0)
      System.Security.Permissions (>= 7.0)
    System.Diagnostics.DiagnosticSource (7.0.1)
      System.Memory (>= 4.5.5) - restriction: || (&& (>= net462) (>= netcoreapp3.1)) (&& (< net6.0) (>= netcoreapp3.1))
      System.Runtime.CompilerServices.Unsafe (>= 6.0) - restriction: || (&& (>= net462) (>= netcoreapp3.1)) (&& (>= net6.0) (< net7.0)) (&& (< net6.0) (>= netcoreapp3.1))
    System.Diagnostics.EventLog (7.0) - restriction: >= net7.0
    System.Drawing.Common (7.0) - restriction: >= net6.0
      Microsoft.Win32.SystemEvents (>= 7.0) - restriction: >= net6.0
    System.Formats.Asn1 (7.0) - restriction: && (>= netcoreapp3.1) (< xamarinios) (< xamarinmac) (< xamarintvos) (< xamarinwatchos)
      System.Buffers (>= 4.5.1) - restriction: || (&& (>= net462) (>= netcoreapp3.1)) (&& (< net6.0) (>= netcoreapp3.1))
      System.Memory (>= 4.5.5) - restriction: || (&& (>= net462) (>= netcoreapp3.1)) (&& (< net6.0) (>= netcoreapp3.1))
    System.IdentityModel.Tokens.Jwt (6.27)
      Microsoft.IdentityModel.JsonWebTokens (>= 6.27)
      Microsoft.IdentityModel.Tokens (>= 6.27)
    System.IO (4.3) - restriction: || (&& (< net6.0) (>= netcoreapp3.1) (< xamarinios) (< xamarinmac) (< xamarintvos) (< xamarinwatchos)) (&& (>= netcoreapp3.1) (< netstandard2.1) (< xamarintvos) (< xamarinwatchos))
      Microsoft.NETCore.Platforms (>= 1.1) - restriction: || (&& (< monoandroid) (>= netcoreapp3.1) (< netstandard1.3)) (&& (< monoandroid) (>= netcoreapp3.1) (< netstandard1.5)) (&& (>= netcoreapp3.1) (< xamarinios) (< xamarinmac) (< xamarintvos) (< xamarinwatchos))
      Microsoft.NETCore.Targets (>= 1.1) - restriction: || (&& (< monoandroid) (>= netcoreapp3.1) (< netstandard1.3)) (&& (< monoandroid) (>= netcoreapp3.1) (< netstandard1.5)) (&& (>= netcoreapp3.1) (< xamarinios) (< xamarinmac) (< xamarintvos) (< xamarinwatchos))
      System.Runtime (>= 4.3) - restriction: || (&& (< monoandroid) (>= netcoreapp3.1) (< netstandard1.3)) (&& (< monoandroid) (>= netcoreapp3.1) (< netstandard1.5)) (&& (>= netcoreapp3.1) (< xamarinios) (< xamarinmac) (< xamarintvos) (< xamarinwatchos))
      System.Text.Encoding (>= 4.3) - restriction: || (&& (< monoandroid) (>= netcoreapp3.1) (< netstandard1.3)) (&& (< monoandroid) (>= netcoreapp3.1) (< netstandard1.5)) (&& (>= netcoreapp3.1) (< xamarinios) (< xamarinmac) (< xamarintvos) (< xamarinwatchos))
      System.Threading.Tasks (>= 4.3) - restriction: || (&& (< monoandroid) (>= netcoreapp3.1) (< netstandard1.3)) (&& (< monoandroid) (>= netcoreapp3.1) (< netstandard1.5)) (&& (>= netcoreapp3.1) (< xamarinios) (< xamarinmac) (< xamarintvos) (< xamarinwatchos))
    System.IO.FileSystem.AccessControl (5.0)
      System.Buffers (>= 4.5.1) - restriction: || (&& (>= monoandroid) (>= netcoreapp3.1) (< netstandard1.3)) (&& (>= monotouch) (>= netcoreapp3.1)) (&& (< netcoreapp2.0) (>= netcoreapp3.1)) (&& (>= netcoreapp3.1) (>= xamarinios)) (&& (>= netcoreapp3.1) (>= xamarinmac)) (&& (>= netcoreapp3.1) (>= xamarintvos)) (&& (>= netcoreapp3.1) (>= xamarinwatchos))
      System.Security.AccessControl (>= 5.0)
      System.Security.Principal.Windows (>= 5.0)
    System.Memory (4.5.5)
      System.Buffers (>= 4.5.1) - restriction: || (&& (>= monoandroid) (>= netcoreapp3.1) (< netstandard1.1)) (&& (< monoandroid) (>= netcoreapp3.1) (< netstandard1.1)) (&& (< monoandroid) (>= netcoreapp3.1) (< netstandard2.0)) (&& (>= monotouch) (>= netcoreapp3.1)) (&& (>= net45) (>= netcoreapp3.1) (< netstandard2.0)) (&& (>= net461) (>= netcoreapp3.1)) (&& (< netcoreapp2.0) (>= netcoreapp3.1)) (&& (>= netcoreapp3.1) (< netstandard1.1) (>= win8)) (&& (>= netcoreapp3.1) (< netstandard2.0) (>= wpa81)) (&& (>= netcoreapp3.1) (>= xamarinios)) (&& (>= netcoreapp3.1) (>= xamarinmac)) (&& (>= netcoreapp3.1) (>= xamarintvos)) (&& (>= netcoreapp3.1) (>= xamarinwatchos))
      System.Runtime.CompilerServices.Unsafe (>= 4.5.3) - restriction: || (&& (>= monoandroid) (>= netcoreapp3.1) (< netstandard1.1)) (&& (< monoandroid) (< netcoreapp2.1) (>= netcoreapp3.1)) (&& (< monoandroid) (>= netcoreapp3.1) (< netstandard1.1)) (&& (< monoandroid) (>= netcoreapp3.1) (< netstandard2.0)) (&& (>= monotouch) (>= netcoreapp3.1)) (&& (>= net45) (>= netcoreapp3.1) (< netstandard2.0)) (&& (>= net461) (>= netcoreapp3.1)) (&& (< netcoreapp2.0) (>= netcoreapp3.1)) (&& (>= netcoreapp3.1) (< netstandard1.1) (>= win8)) (&& (>= netcoreapp3.1) (< netstandard2.0) (>= wpa81)) (&& (>= netcoreapp3.1) (>= uap10.1)) (&& (>= netcoreapp3.1) (>= xamarinios)) (&& (>= netcoreapp3.1) (>= xamarinmac)) (&& (>= netcoreapp3.1) (>= xamarintvos)) (&& (>= netcoreapp3.1) (>= xamarinwatchos))
    System.Memory.Data (7.0)
      System.Memory (>= 4.5.5) - restriction: || (&& (>= net462) (>= netcoreapp3.1)) (&& (< net6.0) (>= netcoreapp3.1))
      System.Text.Json (>= 7.0)
    System.Numerics.Vectors (4.5)
    System.Reflection (4.3) - restriction: || (&& (< net6.0) (>= netcoreapp3.1) (< xamarinios) (< xamarinmac) (< xamarintvos) (< xamarinwatchos)) (&& (>= netcoreapp3.1) (< netstandard2.1) (< xamarintvos) (< xamarinwatchos))
      Microsoft.NETCore.Platforms (>= 1.1) - restriction: || (&& (< monoandroid) (>= netcoreapp3.1) (< netstandard1.3)) (&& (< monoandroid) (>= netcoreapp3.1) (< netstandard1.5)) (&& (>= netcoreapp3.1) (< xamarinios) (< xamarinmac) (< xamarintvos) (< xamarinwatchos))
      Microsoft.NETCore.Targets (>= 1.1) - restriction: || (&& (< monoandroid) (>= netcoreapp3.1) (< netstandard1.3)) (&& (< monoandroid) (>= netcoreapp3.1) (< netstandard1.5)) (&& (>= netcoreapp3.1) (< xamarinios) (< xamarinmac) (< xamarintvos) (< xamarinwatchos))
      System.IO (>= 4.3) - restriction: || (&& (< monoandroid) (>= netcoreapp3.1) (< netstandard1.3)) (&& (< monoandroid) (>= netcoreapp3.1) (< netstandard1.5)) (&& (>= netcoreapp3.1) (< xamarinios) (< xamarinmac) (< xamarintvos) (< xamarinwatchos))
      System.Reflection.Primitives (>= 4.3) - restriction: || (&& (< monoandroid) (>= netcoreapp3.1) (< netstandard1.3)) (&& (< monoandroid) (>= netcoreapp3.1) (< netstandard1.5)) (&& (>= netcoreapp3.1) (< xamarinios) (< xamarinmac) (< xamarintvos) (< xamarinwatchos))
      System.Runtime (>= 4.3) - restriction: || (&& (< monoandroid) (>= netcoreapp3.1) (< netstandard1.3)) (&& (< monoandroid) (>= netcoreapp3.1) (< netstandard1.5)) (&& (>= netcoreapp3.1) (< xamarinios) (< xamarinmac) (< xamarintvos) (< xamarinwatchos))
    System.Reflection.Emit (4.7)
    System.Reflection.Metadata (7.0)
      System.Collections.Immutable (>= 7.0)
      System.Memory (>= 4.5.5) - restriction: || (&& (>= net462) (>= netcoreapp3.1)) (&& (< net6.0) (>= netcoreapp3.1))
    System.Reflection.Primitives (4.3) - restriction: || (&& (< monoandroid) (>= netcoreapp3.1) (< netstandard1.3)) (&& (< monoandroid) (>= netcoreapp3.1) (< netstandard1.5)) (&& (< net6.0) (>= netcoreapp3.1) (< xamarinios) (< xamarinmac) (< xamarintvos) (< xamarinwatchos)) (&& (>= netcoreapp3.1) (< netstandard2.1) (< xamarintvos) (< xamarinwatchos))
      Microsoft.NETCore.Platforms (>= 1.1) - restriction: && (< monoandroid) (>= netcoreapp3.1) (< xamarinios) (< xamarinmac) (< xamarintvos) (< xamarinwatchos)
      Microsoft.NETCore.Targets (>= 1.1) - restriction: && (< monoandroid) (>= netcoreapp3.1) (< xamarinios) (< xamarinmac) (< xamarintvos) (< xamarinwatchos)
      System.Runtime (>= 4.3) - restriction: && (< monoandroid) (>= netcoreapp3.1) (< xamarinios) (< xamarinmac) (< xamarintvos) (< xamarinwatchos)
    System.Runtime (4.3.1) - restriction: || (&& (< monoandroid) (>= netcoreapp3.1) (< netstandard1.3)) (&& (< monoandroid) (>= netcoreapp3.1) (< netstandard1.5)) (&& (< monoandroid) (>= netcoreapp3.1) (< xamarinios) (< xamarinmac) (< xamarintvos) (< xamarinwatchos)) (&& (< net6.0) (>= netcoreapp3.1) (< xamarinios) (< xamarinmac) (< xamarintvos) (< xamarinwatchos)) (&& (>= netcoreapp3.1) (< netstandard2.1) (< xamarintvos) (< xamarinwatchos))
      Microsoft.NETCore.Platforms (>= 1.1.1) - restriction: || (&& (< monoandroid) (>= netcoreapp3.1) (< netstandard1.2)) (&& (< monoandroid) (>= netcoreapp3.1) (< netstandard1.3)) (&& (< monoandroid) (>= netcoreapp3.1) (< netstandard1.5)) (&& (>= netcoreapp3.1) (< xamarinios) (< xamarinmac) (< xamarintvos) (< xamarinwatchos))
      Microsoft.NETCore.Targets (>= 1.1.3) - restriction: || (&& (< monoandroid) (>= netcoreapp3.1) (< netstandard1.2)) (&& (< monoandroid) (>= netcoreapp3.1) (< netstandard1.3)) (&& (< monoandroid) (>= netcoreapp3.1) (< netstandard1.5)) (&& (>= netcoreapp3.1) (< xamarinios) (< xamarinmac) (< xamarintvos) (< xamarinwatchos))
    System.Runtime.Caching (7.0)
      System.Configuration.ConfigurationManager (>= 7.0)
    System.Runtime.CompilerServices.Unsafe (6.0)
    System.Runtime.InteropServices.NFloat.Internal (6.0.1) - restriction: >= net6.0-ios
    System.Runtime.Loader (4.3) - restriction: || (&& (< net6.0) (>= netcoreapp3.1)) (&& (>= netcoreapp3.1) (< netstandard2.1))
      System.IO (>= 4.3) - restriction: && (>= netcoreapp3.1) (< xamarinios) (< xamarinmac) (< xamarintvos) (< xamarinwatchos)
      System.Reflection (>= 4.3) - restriction: && (>= netcoreapp3.1) (< xamarinios) (< xamarinmac) (< xamarintvos) (< xamarinwatchos)
      System.Runtime (>= 4.3) - restriction: && (>= netcoreapp3.1) (< xamarinios) (< xamarinmac) (< xamarintvos) (< xamarinwatchos)
    System.Runtime.Serialization.Formatters (4.3) - restriction: && (< net6.0) (>= netcoreapp3.1) (>= xamarinios)
    System.Runtime.Serialization.Primitives (4.3) - restriction: && (< net6.0) (>= netcoreapp3.1) (>= xamarinios)
    System.Security.AccessControl (6.0)
      System.Security.Principal.Windows (>= 5.0) - restriction: || (&& (>= net461) (>= netcoreapp3.1)) (&& (< net6.0) (>= netcoreapp3.1))
    System.Security.Cryptography.Cng (5.0)
      System.Formats.Asn1 (>= 5.0) - restriction: && (>= netcoreapp3.1) (< xamarinios) (< xamarinmac) (< xamarintvos) (< xamarinwatchos)
    System.Security.Cryptography.ProtectedData (7.0.1)
      System.Memory (>= 4.5.5) - restriction: && (< net6.0) (>= netcoreapp3.1)
    System.Security.Permissions (7.0)
      System.Security.AccessControl (>= 6.0) - restriction: || (&& (>= net462) (>= netcoreapp3.1)) (&& (< net6.0) (>= netcoreapp3.1))
      System.Windows.Extensions (>= 7.0) - restriction: >= net6.0
    System.Security.Principal.Windows (5.0)
    System.Security.SecureString (4.3) - restriction: || (&& (>= monoandroid10.0) (< net6.0) (>= netcoreapp3.1)) (&& (< monoandroid10.0) (>= monoandroid9.0) (< netcoreapp2.1) (>= netcoreapp3.1)) (&& (< net6.0) (>= netcoreapp3.1) (>= xamarinios)) (>= net6.0-android) (>= net6.0-ios)
    System.Text.Encoding (4.3)
      Microsoft.NETCore.Platforms (>= 1.1) - restriction: || (&& (< monoandroid) (>= netcoreapp3.1) (< netstandard1.3)) (&& (< monoandroid) (>= netcoreapp3.1) (< xamarinios) (< xamarinmac) (< xamarintvos) (< xamarinwatchos))
      Microsoft.NETCore.Targets (>= 1.1) - restriction: || (&& (< monoandroid) (>= netcoreapp3.1) (< netstandard1.3)) (&& (< monoandroid) (>= netcoreapp3.1) (< xamarinios) (< xamarinmac) (< xamarintvos) (< xamarinwatchos))
      System.Runtime (>= 4.3) - restriction: || (&& (< monoandroid) (>= netcoreapp3.1) (< netstandard1.3)) (&& (< monoandroid) (>= netcoreapp3.1) (< xamarinios) (< xamarinmac) (< xamarintvos) (< xamarinwatchos))
    System.Text.Encoding.CodePages (7.0)
      System.Memory (>= 4.5.5) - restriction: || (&& (>= net462) (>= netcoreapp3.1)) (&& (< net6.0) (>= netcoreapp3.1))
      System.Runtime.CompilerServices.Unsafe (>= 6.0) - restriction: || (&& (>= net462) (>= netcoreapp3.1)) (&& (>= net6.0) (< net7.0)) (&& (< net6.0) (>= netcoreapp3.1))
    System.Text.Encodings.Web (7.0)
      System.Buffers (>= 4.5.1) - restriction: || (&& (>= net462) (>= netcoreapp3.1)) (&& (< net6.0) (>= netcoreapp3.1))
      System.Memory (>= 4.5.5) - restriction: || (&& (>= net462) (>= netcoreapp3.1)) (&& (< net6.0) (>= netcoreapp3.1))
      System.Runtime.CompilerServices.Unsafe (>= 6.0) - restriction: || (&& (>= net462) (>= netcoreapp3.1)) (&& (>= net6.0) (< net7.0)) (&& (< net6.0) (>= netcoreapp3.1))
    System.Text.Json (7.0.2)
      Microsoft.Bcl.AsyncInterfaces (>= 7.0) - restriction: || (&& (>= net462) (>= netcoreapp3.1)) (&& (< net6.0) (>= netcoreapp3.1))
      System.Buffers (>= 4.5.1) - restriction: || (&& (>= net462) (>= netcoreapp3.1)) (&& (< net6.0) (>= netcoreapp3.1))
      System.Memory (>= 4.5.5) - restriction: || (&& (>= net462) (>= netcoreapp3.1)) (&& (< net6.0) (>= netcoreapp3.1))
      System.Numerics.Vectors (>= 4.5) - restriction: || (&& (>= net462) (>= netcoreapp3.1)) (&& (< net6.0) (>= netcoreapp3.1))
      System.Runtime.CompilerServices.Unsafe (>= 6.0) - restriction: || (&& (>= net462) (>= netcoreapp3.1)) (&& (>= net6.0) (< net7.0)) (&& (< net6.0) (>= netcoreapp3.1))
      System.Text.Encodings.Web (>= 7.0)
      System.Threading.Tasks.Extensions (>= 4.5.4) - restriction: || (&& (>= net462) (>= netcoreapp3.1)) (&& (< net6.0) (>= netcoreapp3.1))
    System.Threading.Tasks (4.3) - restriction: || (&& (< monoandroid) (>= netcoreapp3.1) (< netstandard1.3)) (&& (< monoandroid) (>= netcoreapp3.1) (< netstandard1.5)) (&& (< net6.0) (>= netcoreapp3.1) (< xamarinios) (< xamarinmac) (< xamarintvos) (< xamarinwatchos)) (&& (>= netcoreapp3.1) (< netstandard2.1) (< xamarintvos) (< xamarinwatchos))
      Microsoft.NETCore.Platforms (>= 1.1) - restriction: || (&& (< monoandroid) (>= netcoreapp3.1) (< netstandard1.3)) (&& (< monoandroid) (>= netcoreapp3.1) (< xamarinios) (< xamarinmac) (< xamarintvos) (< xamarinwatchos))
      Microsoft.NETCore.Targets (>= 1.1) - restriction: || (&& (< monoandroid) (>= netcoreapp3.1) (< netstandard1.3)) (&& (< monoandroid) (>= netcoreapp3.1) (< xamarinios) (< xamarinmac) (< xamarintvos) (< xamarinwatchos))
      System.Runtime (>= 4.3) - restriction: || (&& (< monoandroid) (>= netcoreapp3.1) (< netstandard1.3)) (&& (< monoandroid) (>= netcoreapp3.1) (< xamarinios) (< xamarinmac) (< xamarintvos) (< xamarinwatchos))
    System.Threading.Tasks.Extensions (4.5.4)
    System.Windows.Extensions (7.0) - restriction: >= net6.0
      System.Drawing.Common (>= 7.0) - restriction: >= net6.0
    System.Xml.XmlDocument (4.3) - restriction: && (< net6.0) (>= netcoreapp3.1) (>= xamarinios)
    Xamarin.AndroidX.Annotation (1.5.0.2) - restriction: && (>= monoandroid12.0) (< net6.0) (>= netcoreapp3.1)
      Xamarin.AndroidX.Migration (>= 1.0.10) - restriction: && (>= monoandroid12.0) (< net6.0-android) (>= netcoreapp3.1)
      Xamarin.Kotlin.StdLib (>= 1.8.0.1) - restriction: && (>= monoandroid12.0) (>= netcoreapp3.1)
    Xamarin.AndroidX.Annotation.Experimental (1.3.0.2) - restriction: && (>= monoandroid12.0) (< net6.0) (>= netcoreapp3.1)
      Xamarin.Kotlin.StdLib (>= 1.8.0.1) - restriction: && (>= monoandroid12.0) (>= netcoreapp3.1)
    Xamarin.AndroidX.Arch.Core.Common (2.1.0.17) - restriction: && (>= monoandroid12.0) (< net6.0) (>= netcoreapp3.1)
      Xamarin.AndroidX.Annotation (>= 1.5.0.2) - restriction: && (>= monoandroid12.0) (>= netcoreapp3.1)
    Xamarin.AndroidX.Arch.Core.Runtime (2.1.0.17) - restriction: && (>= monoandroid12.0) (< net6.0) (>= netcoreapp3.1)
      Xamarin.AndroidX.Annotation (>= 1.5.0.2) - restriction: && (>= monoandroid12.0) (>= netcoreapp3.1)
      Xamarin.AndroidX.Arch.Core.Common (>= 2.1.0.17) - restriction: && (>= monoandroid12.0) (>= netcoreapp3.1)
    Xamarin.AndroidX.Browser (1.4.0.4) - restriction: && (>= monoandroid10.0) (< net6.0) (>= netcoreapp3.1)
      Xamarin.AndroidX.Annotation (>= 1.5.0.2) - restriction: && (>= monoandroid12.0) (>= netcoreapp3.1)
      Xamarin.AndroidX.Collection (>= 1.2.0.6) - restriction: && (>= monoandroid12.0) (>= netcoreapp3.1)
      Xamarin.AndroidX.Concurrent.Futures (>= 1.1.0.11) - restriction: && (>= monoandroid12.0) (>= netcoreapp3.1)
      Xamarin.AndroidX.Core (>= 1.9.0.2) - restriction: && (>= monoandroid12.0) (>= netcoreapp3.1)
      Xamarin.AndroidX.Interpolator (>= 1.0.0.16) - restriction: && (>= monoandroid12.0) (>= netcoreapp3.1)
      Xamarin.Google.Guava.ListenableFuture (>= 1.0.0.11) - restriction: && (>= monoandroid12.0) (>= netcoreapp3.1)
    Xamarin.AndroidX.Collection (1.2.0.6) - restriction: && (>= monoandroid12.0) (< net6.0) (>= netcoreapp3.1)
      Xamarin.AndroidX.Annotation (>= 1.5.0.2) - restriction: && (>= monoandroid12.0) (>= netcoreapp3.1)
    Xamarin.AndroidX.Concurrent.Futures (1.1.0.11) - restriction: && (>= monoandroid12.0) (< net6.0) (>= netcoreapp3.1)
      Xamarin.AndroidX.Annotation (>= 1.5.0.2) - restriction: && (>= monoandroid12.0) (>= netcoreapp3.1)
      Xamarin.Google.Guava.ListenableFuture (>= 1.0.0.11) - restriction: && (>= monoandroid12.0) (>= netcoreapp3.1)
    Xamarin.AndroidX.Core (1.9.0.2) - restriction: && (>= monoandroid12.0) (< net6.0) (>= netcoreapp3.1)
      Xamarin.AndroidX.Annotation (>= 1.5.0.2) - restriction: && (>= monoandroid12.0) (>= netcoreapp3.1)
      Xamarin.AndroidX.Annotation.Experimental (>= 1.3.0.2) - restriction: && (>= monoandroid12.0) (>= netcoreapp3.1)
      Xamarin.AndroidX.Collection (>= 1.2.0.6) - restriction: && (>= monoandroid12.0) (>= netcoreapp3.1)
      Xamarin.AndroidX.Concurrent.Futures (>= 1.1.0.11) - restriction: && (>= monoandroid12.0) (>= netcoreapp3.1)
      Xamarin.AndroidX.Lifecycle.Runtime (>= 2.5.1.2) - restriction: && (>= monoandroid12.0) (>= netcoreapp3.1)
      Xamarin.AndroidX.VersionedParcelable (>= 1.1.1.16) - restriction: && (>= monoandroid12.0) (>= netcoreapp3.1)
    Xamarin.AndroidX.Interpolator (1.0.0.16) - restriction: && (>= monoandroid12.0) (< net6.0) (>= netcoreapp3.1)
      Xamarin.AndroidX.Annotation (>= 1.5.0.2) - restriction: && (>= monoandroid12.0) (>= netcoreapp3.1)
    Xamarin.AndroidX.Lifecycle.Common (2.5.1.2) - restriction: && (>= monoandroid12.0) (< net6.0) (>= netcoreapp3.1)
      Xamarin.AndroidX.Annotation (>= 1.5.0.2) - restriction: && (>= monoandroid12.0) (>= netcoreapp3.1)
    Xamarin.AndroidX.Lifecycle.Runtime (2.5.1.2) - restriction: && (>= monoandroid12.0) (< net6.0) (>= netcoreapp3.1)
      Xamarin.AndroidX.Annotation (>= 1.5.0.2) - restriction: && (>= monoandroid12.0) (>= netcoreapp3.1)
      Xamarin.AndroidX.Arch.Core.Common (>= 2.1.0.17) - restriction: && (>= monoandroid12.0) (>= netcoreapp3.1)
      Xamarin.AndroidX.Arch.Core.Runtime (>= 2.1.0.17) - restriction: && (>= monoandroid12.0) (>= netcoreapp3.1)
      Xamarin.AndroidX.Lifecycle.Common (>= 2.5.1.2) - restriction: && (>= monoandroid12.0) (>= netcoreapp3.1)
    Xamarin.AndroidX.Migration (1.0.10) - restriction: && (>= monoandroid12.0) (< net6.0) (>= netcoreapp3.1)
    Xamarin.AndroidX.VersionedParcelable (1.1.1.16) - restriction: && (>= monoandroid12.0) (< net6.0) (>= netcoreapp3.1)
      Xamarin.AndroidX.Annotation (>= 1.5.0.2) - restriction: && (>= monoandroid12.0) (>= netcoreapp3.1)
      Xamarin.AndroidX.Collection (>= 1.2.0.6) - restriction: && (>= monoandroid12.0) (>= netcoreapp3.1)
    Xamarin.Google.Guava.ListenableFuture (1.0.0.11) - restriction: && (>= monoandroid12.0) (< net6.0) (>= netcoreapp3.1)
    Xamarin.Jetbrains.Annotations (24.0.0.1) - restriction: && (>= monoandroid12.0) (< net6.0) (>= netcoreapp3.1)
    Xamarin.Kotlin.StdLib (1.8.10) - restriction: && (>= monoandroid12.0) (< net6.0) (>= netcoreapp3.1)
      Xamarin.Jetbrains.Annotations (>= 24.0.0.1) - restriction: && (>= monoandroid12.0) (>= netcoreapp3.1)
      Xamarin.Kotlin.StdLib.Common (>= 1.8.10) - restriction: && (>= monoandroid12.0) (>= netcoreapp3.1)
    Xamarin.Kotlin.StdLib.Common (1.8.10) - restriction: && (>= monoandroid12.0) (< net6.0) (>= netcoreapp3.1)

GROUP DesignTime
STORAGE: NONE
RESTRICTION: >= netstandard2.1
NUGET
  remote: https://api.nuget.org/v3/index.json
    FSharp.Core (4.3.4)
    Microsoft.Bcl.AsyncInterfaces (7.0) - copy_local: true, restriction: || (&& (>= net46) (>= net6.0)) (&& (>= net46) (>= netstandard2.1)) (&& (>= net461) (>= netstandard2.1)) (&& (>= net462) (>= net6.0)) (&& (>= net462) (>= netcoreapp3.1)) (&& (>= net462) (>= netstandard2.1)) (&& (>= net6.0) (< netcoreapp2.1)) (&& (< net6.0) (>= netcoreapp3.1)) (&& (< netcoreapp2.1) (>= netstandard2.1))
    Microsoft.CSharp (4.7) - copy_local: true, restriction: || (&& (>= net45) (>= net6.0) (< netstandard2.0)) (&& (>= net45) (< netstandard2.0) (>= netstandard2.1)) (&& (>= net46) (>= net6.0)) (&& (>= net46) (>= netstandard2.1)) (&& (>= net46) (>= xamarinios)) (&& (>= net461) (>= net6.0)) (&& (>= net461) (>= netstandard2.1)) (&& (>= net6.0) (< netcoreapp2.1)) (&& (< netcoreapp2.1) (>= netstandard2.1)) (&& (< netcoreapp2.1) (>= xamarinios)) (>= netcoreapp3.1)
    Microsoft.Data.SqlClient (2.1.2) - copy_local: true
      Microsoft.Data.SqlClient.SNI.runtime (>= 2.1.1) - restriction: || (&& (< netcoreapp2.1) (>= netstandard2.1)) (>= netcoreapp3.1)
      Microsoft.Identity.Client (>= 4.21.1) - restriction: || (&& (>= net46) (>= netstandard2.1)) (&& (< netcoreapp2.1) (>= netstandard2.1)) (>= netcoreapp3.1)
      Microsoft.IdentityModel.JsonWebTokens (>= 6.8) - restriction: || (&& (>= net46) (>= netstandard2.1)) (&& (< netcoreapp2.1) (>= netstandard2.1)) (>= netcoreapp3.1)
      Microsoft.IdentityModel.Protocols.OpenIdConnect (>= 6.8) - restriction: || (&& (>= net46) (>= netstandard2.1)) (&& (< netcoreapp2.1) (>= netstandard2.1)) (>= netcoreapp3.1)
      Microsoft.Win32.Registry (>= 4.7) - restriction: || (&& (< netcoreapp2.1) (>= netstandard2.1)) (>= netcoreapp3.1)
      System.Buffers (>= 4.5.1) - restriction: && (< netcoreapp2.1) (>= netstandard2.1)
      System.Configuration.ConfigurationManager (>= 4.7) - restriction: >= netcoreapp3.1
      System.Diagnostics.DiagnosticSource (>= 4.7) - restriction: >= netcoreapp3.1
      System.Memory (>= 4.5.4) - restriction: && (< netcoreapp2.1) (>= netstandard2.1)
      System.Runtime.Caching (>= 4.7) - restriction: || (&& (< netcoreapp2.1) (>= netstandard2.1)) (>= netcoreapp3.1)
      System.Security.Principal.Windows (>= 4.7) - restriction: || (&& (< netcoreapp2.1) (>= netstandard2.1)) (>= netcoreapp3.1)
      System.Text.Encoding.CodePages (>= 4.7) - restriction: || (&& (< netcoreapp2.1) (>= netstandard2.1)) (>= netcoreapp3.1)
    Microsoft.Data.SqlClient.SNI.runtime (5.1) - copy_local: true, restriction: || (&& (< netcoreapp2.1) (>= netstandard2.1)) (>= netcoreapp3.1)
    Microsoft.Identity.Client (4.50) - copy_local: true, restriction: || (&& (>= net46) (>= netstandard2.1)) (&& (< netcoreapp2.1) (>= netstandard2.1)) (>= netcoreapp3.1)
      Microsoft.CSharp (>= 4.5) - restriction: && (< net6.0) (>= xamarinios)
      Microsoft.IdentityModel.Abstractions (>= 6.22) - restriction: || (&& (>= monoandroid10.0) (< net6.0)) (&& (< monoandroid10.0) (>= monoandroid9.0) (< netcoreapp2.1) (>= netstandard2.1)) (&& (< monoandroid9.0) (>= net6.0) (< xamarinios)) (&& (< monoandroid9.0) (< net6.0) (>= netcoreapp2.1) (>= netstandard2.1) (< xamarinios)) (&& (< monoandroid9.0) (< netcoreapp2.1) (>= netstandard2.1) (< xamarinios)) (&& (>= net45) (< netstandard2.0) (>= netstandard2.1)) (&& (>= net461) (>= netstandard2.1)) (&& (< net6.0) (>= xamarinios)) (>= net6.0-android) (>= net6.0-ios) (>= net6.0-windows10.0.17763.0)
      Microsoft.Web.WebView2 (>= 1.0.864.35) - restriction: >= net6.0-windows10.0.17763.0
      System.ComponentModel.TypeConverter (>= 4.3) - restriction: && (< net6.0) (>= xamarinios)
      System.Runtime.InteropServices.NFloat.Internal (>= 6.0.1) - restriction: >= net6.0-ios
      System.Runtime.Serialization.Formatters (>= 4.3) - restriction: && (< net6.0) (>= xamarinios)
      System.Runtime.Serialization.Primitives (>= 4.3) - restriction: && (< net6.0) (>= xamarinios)
      System.Security.SecureString (>= 4.3) - restriction: || (&& (>= monoandroid10.0) (< net6.0)) (&& (< monoandroid10.0) (>= monoandroid9.0) (< netcoreapp2.1) (>= netstandard2.1)) (&& (< net6.0) (>= xamarinios)) (>= net6.0-android) (>= net6.0-ios)
      System.Xml.XmlDocument (>= 4.3) - restriction: && (< net6.0) (>= xamarinios)
      Xamarin.AndroidX.Browser (>= 1.0) - restriction: && (>= monoandroid10.0) (< net6.0)
    Microsoft.IdentityModel.Abstractions (6.27) - copy_local: true, restriction: || (&& (>= monoandroid10.0) (>= net46)) (&& (>= monoandroid10.0) (< netcoreapp2.1)) (&& (< monoandroid9.0) (>= net6.0) (< xamarinios)) (&& (>= net45) (>= net6.0) (< netstandard2.0)) (&& (>= net45) (< netstandard2.0) (>= netstandard2.1)) (&& (>= net46) (>= net6.0)) (&& (>= net46) (>= netstandard2.1)) (&& (>= net46) (>= xamarinios)) (&& (>= net461) (>= net6.0)) (&& (>= net461) (>= netstandard2.1)) (&& (>= net6.0) (< netcoreapp2.1)) (&& (< netcoreapp2.1) (>= netstandard2.1)) (&& (< netcoreapp2.1) (>= xamarinios)) (>= netcoreapp3.1)
    Microsoft.IdentityModel.JsonWebTokens (6.27) - copy_local: true, restriction: || (&& (>= net45) (>= net6.0) (< netstandard2.0)) (&& (>= net45) (< netstandard2.0) (>= netstandard2.1)) (&& (>= net46) (>= net6.0)) (&& (>= net46) (>= netstandard2.1)) (&& (>= net461) (>= net6.0)) (&& (>= net461) (>= netstandard2.1)) (&& (>= net6.0) (< netcoreapp2.1)) (&& (< netcoreapp2.1) (>= netstandard2.1)) (>= netcoreapp3.1)
      Microsoft.IdentityModel.Tokens (>= 6.27)
      System.Text.Encoding (>= 4.3)
      System.Text.Encodings.Web (>= 4.7.2)
      System.Text.Json (>= 4.7.2)
    Microsoft.IdentityModel.Logging (6.27) - copy_local: true, restriction: || (&& (>= net45) (>= net6.0) (< netstandard2.0)) (&& (>= net45) (< netstandard2.0) (>= netstandard2.1)) (&& (>= net46) (>= net6.0)) (&& (>= net46) (>= netstandard2.1)) (&& (>= net461) (>= net6.0)) (&& (>= net461) (>= netstandard2.1)) (&& (>= net6.0) (< netcoreapp2.1)) (&& (< netcoreapp2.1) (>= netstandard2.1)) (>= netcoreapp3.1)
      Microsoft.IdentityModel.Abstractions (>= 6.27)
    Microsoft.IdentityModel.Protocols (6.27) - copy_local: true, restriction: || (&& (>= net45) (< netstandard2.0) (>= netstandard2.1)) (&& (>= net46) (>= net6.0)) (&& (>= net46) (>= netstandard2.1)) (&& (>= net461) (>= netstandard2.1)) (&& (>= net6.0) (< netcoreapp2.1)) (&& (< netcoreapp2.1) (>= netstandard2.1)) (>= netcoreapp3.1)
      Microsoft.IdentityModel.Logging (>= 6.27)
      Microsoft.IdentityModel.Tokens (>= 6.27)
    Microsoft.IdentityModel.Protocols.OpenIdConnect (6.27) - copy_local: true, restriction: || (&& (>= net46) (>= netstandard2.1)) (&& (< netcoreapp2.1) (>= netstandard2.1)) (>= netcoreapp3.1)
      Microsoft.IdentityModel.Protocols (>= 6.27)
      System.IdentityModel.Tokens.Jwt (>= 6.27)
      System.Text.Encoding (>= 4.3) - restriction: || (&& (>= net461) (>= netstandard2.1)) (&& (< net6.0) (>= netstandard2.1))
      System.Text.Encodings.Web (>= 4.7.2) - restriction: || (&& (>= net461) (>= netstandard2.1)) (&& (< net6.0) (>= netstandard2.1))
      System.Text.Json (>= 4.7.2) - restriction: || (&& (>= net461) (>= netstandard2.1)) (&& (< net6.0) (>= netstandard2.1))
    Microsoft.IdentityModel.Tokens (6.27) - copy_local: true, restriction: || (&& (>= net45) (< netstandard2.0) (>= netstandard2.1)) (&& (>= net46) (>= net6.0)) (&& (>= net46) (>= netstandard2.1)) (&& (>= net461) (>= netstandard2.1)) (&& (>= net6.0) (< netcoreapp2.1)) (&& (< netcoreapp2.1) (>= netstandard2.1)) (>= netcoreapp3.1)
      Microsoft.CSharp (>= 4.5)
      Microsoft.IdentityModel.Logging (>= 6.27)
      System.Security.Cryptography.Cng (>= 4.5)
      System.Text.Encoding (>= 4.3) - restriction: || (&& (>= net461) (>= netstandard2.1)) (&& (< net6.0) (>= netstandard2.1))
      System.Text.Encodings.Web (>= 4.7.2) - restriction: || (&& (>= net461) (>= netstandard2.1)) (&& (< net6.0) (>= netstandard2.1))
      System.Text.Json (>= 4.7.2) - restriction: || (&& (>= net461) (>= netstandard2.1)) (&& (< net6.0) (>= netstandard2.1))
    Microsoft.NETCore.Platforms (7.0) - restriction: || (&& (< monoandroid) (>= net6.0) (< netcoreapp2.1) (< xamarinios) (< xamarinmac) (< xamarintvos) (< xamarinwatchos)) (&& (< monoandroid) (>= net6.0) (< netstandard1.3)) (&& (< monoandroid) (>= netcoreapp3.1) (< netstandard1.3)) (&& (< monoandroid) (>= netcoreapp3.1) (< xamarinios) (< xamarinmac) (< xamarintvos) (< xamarinwatchos)) (&& (< monoandroid) (< netstandard1.2) (>= netstandard2.1)) (&& (< monoandroid) (< netstandard1.3) (>= netstandard2.1)) (&& (< monoandroid) (< netstandard1.5) (>= netstandard2.1)) (&& (< monoandroid) (>= netstandard2.1) (< xamarinios) (< xamarinmac) (< xamarintvos) (< xamarinwatchos)) (&& (>= net46) (>= net6.0)) (&& (>= net46) (>= netstandard2.1)) (&& (>= net461) (>= netstandard2.1))
    Microsoft.NETCore.Targets (5.0) - restriction: || (&& (< monoandroid) (>= net6.0) (< netcoreapp2.1) (< xamarinios) (< xamarinmac) (< xamarintvos) (< xamarinwatchos)) (&& (< monoandroid) (>= net6.0) (< netstandard1.3)) (&& (< monoandroid) (>= netcoreapp3.1) (< netstandard1.3)) (&& (< monoandroid) (>= netcoreapp3.1) (< xamarinios) (< xamarinmac) (< xamarintvos) (< xamarinwatchos)) (&& (< monoandroid) (< netstandard1.2) (>= netstandard2.1)) (&& (< monoandroid) (< netstandard1.3) (>= netstandard2.1)) (&& (< monoandroid) (< netstandard1.5) (>= netstandard2.1)) (&& (< monoandroid) (>= netstandard2.1) (< xamarinios) (< xamarinmac) (< xamarintvos) (< xamarinwatchos)) (&& (>= net46) (>= net6.0)) (&& (>= net46) (>= netstandard2.1)) (&& (>= net461) (>= netstandard2.1))
    Microsoft.SqlServer.Server (1.0)
    Microsoft.SqlServer.TransactSql.ScriptDom (150.4897.1)
    Microsoft.SqlServer.Types (160.1000.6)
      Microsoft.SqlServer.Server (>= 1.0)
    Microsoft.Web.WebView2 (1.0.1587.40) - copy_local: true, restriction: >= net6.0-windows10.0.17763.0
    Microsoft.Win32.Registry (5.0) - copy_local: true, restriction: || (&& (< netcoreapp2.1) (>= netstandard2.1)) (>= netcoreapp3.1)
      System.Buffers (>= 4.5.1) - restriction: || (&& (>= monoandroid) (< netstandard1.3) (>= netstandard2.1)) (&& (>= monotouch) (>= netstandard2.1)) (&& (< netcoreapp2.0) (>= netstandard2.1)) (&& (>= netstandard2.1) (>= xamarintvos)) (&& (>= netstandard2.1) (>= xamarinwatchos)) (>= xamarinios) (>= xamarinmac)
      System.Memory (>= 4.5.4) - restriction: || (&& (< monoandroid) (>= netcoreapp2.0) (< netcoreapp2.1) (>= netstandard2.1) (< xamarinios) (< xamarinmac) (< xamarintvos) (< xamarinwatchos)) (&& (< netcoreapp2.0) (>= netstandard2.1) (< xamarinios) (< xamarinmac) (< xamarintvos) (< xamarinwatchos)) (&& (>= netstandard2.1) (>= uap10.1))
      System.Security.AccessControl (>= 5.0)
      System.Security.Principal.Windows (>= 5.0)
    Microsoft.Win32.SystemEvents (7.0) - restriction: >= net6.0
    System.Buffers (4.5.1) - copy_local: true, restriction: || (&& (>= monoandroid) (>= netcoreapp3.1) (< netstandard1.3)) (&& (>= monoandroid) (< netstandard1.3) (>= netstandard2.1)) (&& (>= monotouch) (>= netcoreapp3.1)) (&& (>= monotouch) (>= netstandard2.1)) (&& (>= net45) (>= net6.0) (< netstandard2.0)) (&& (>= net45) (>= netcoreapp3.0) (< netstandard2.0)) (&& (>= net46) (>= net6.0)) (&& (>= net46) (>= netcoreapp3.0)) (&& (>= net46) (>= netstandard2.1)) (&& (>= net461) (>= net6.0)) (&& (>= net461) (>= netcoreapp3.0)) (&& (>= net461) (>= netstandard2.1)) (&& (>= net462) (>= net6.0)) (&& (>= net462) (>= netcoreapp3.0)) (&& (>= net462) (>= netcoreapp3.1)) (&& (>= net462) (>= netstandard2.1)) (&& (>= net6.0) (< netcoreapp2.1)) (&& (< net6.0) (>= netcoreapp3.1)) (&& (< netcoreapp2.0) (>= netcoreapp3.1)) (&& (< netcoreapp2.0) (>= netstandard2.1)) (&& (< netcoreapp2.1) (>= netcoreapp3.0) (< xamarinios) (< xamarinmac) (< xamarintvos) (< xamarinwatchos)) (&& (< netcoreapp2.1) (>= netstandard2.1)) (&& (< netcoreapp2.1) (>= xamarinios)) (&& (< netcoreapp2.1) (>= xamarinmac)) (&& (>= netcoreapp3.1) (>= xamarinios)) (&& (>= netcoreapp3.1) (>= xamarinmac)) (&& (>= netcoreapp3.1) (>= xamarintvos)) (&& (>= netcoreapp3.1) (>= xamarinwatchos))
    System.Collections (4.3) - restriction: && (< monoandroid) (>= netstandard2.1) (< xamarinios) (< xamarinmac) (< xamarintvos) (< xamarinwatchos)
      Microsoft.NETCore.Platforms (>= 1.1) - restriction: || (&& (< monoandroid) (< netstandard1.3) (>= netstandard2.1)) (&& (< monoandroid) (>= netstandard2.1) (< xamarinios) (< xamarinmac) (< xamarintvos) (< xamarinwatchos))
      Microsoft.NETCore.Targets (>= 1.1) - restriction: || (&& (< monoandroid) (< netstandard1.3) (>= netstandard2.1)) (&& (< monoandroid) (>= netstandard2.1) (< xamarinios) (< xamarinmac) (< xamarintvos) (< xamarinwatchos))
      System.Runtime (>= 4.3) - restriction: || (&& (< monoandroid) (< netstandard1.3) (>= netstandard2.1)) (&& (< monoandroid) (>= netstandard2.1) (< xamarinios) (< xamarinmac) (< xamarintvos) (< xamarinwatchos))
    System.ComponentModel.TypeConverter (4.3) - copy_local: true, restriction: || (&& (>= net46) (>= xamarinios)) (&& (< net6.0) (>= netcoreapp3.1) (>= xamarinios)) (&& (< netcoreapp2.1) (>= xamarinios))
    System.Configuration.ConfigurationManager (4.7)
      System.Security.Cryptography.ProtectedData (>= 4.7) - restriction: && (>= netstandard2.1) (< xamarinios) (< xamarinmac) (< xamarintvos) (< xamarinwatchos)
      System.Security.Permissions (>= 4.7)
    System.Data.Common (4.3)
      System.Collections (>= 4.3) - restriction: && (< monoandroid) (>= netstandard2.1) (< xamarinios) (< xamarinmac) (< xamarintvos) (< xamarinwatchos)
      System.Globalization (>= 4.3) - restriction: && (< monoandroid) (>= netstandard2.1) (< xamarinios) (< xamarinmac) (< xamarintvos) (< xamarinwatchos)
      System.IO (>= 4.3) - restriction: && (< monoandroid) (>= netstandard2.1) (< xamarinios) (< xamarinmac) (< xamarintvos) (< xamarinwatchos)
      System.Resources.ResourceManager (>= 4.3) - restriction: && (< monoandroid) (>= netstandard2.1) (< xamarinios) (< xamarinmac) (< xamarintvos) (< xamarinwatchos)
      System.Runtime (>= 4.3) - restriction: && (< monoandroid) (>= netstandard2.1) (< xamarinios) (< xamarinmac) (< xamarintvos) (< xamarinwatchos)
      System.Runtime.Extensions (>= 4.3) - restriction: && (< monoandroid) (>= netstandard2.1) (< xamarinios) (< xamarinmac) (< xamarintvos) (< xamarinwatchos)
      System.Text.RegularExpressions (>= 4.3) - restriction: && (< monoandroid) (>= netstandard2.1) (< xamarinios) (< xamarinmac) (< xamarintvos) (< xamarinwatchos)
      System.Threading.Tasks (>= 4.3) - restriction: && (< monoandroid) (>= netstandard2.1) (< xamarinios) (< xamarinmac) (< xamarintvos) (< xamarinwatchos)
    System.Diagnostics.DiagnosticSource (7.0.1) - copy_local: true, restriction: >= netcoreapp3.1
      System.Memory (>= 4.5.5) - restriction: || (&& (>= net462) (>= netstandard2.1)) (&& (< net6.0) (>= netstandard2.1))
      System.Runtime.CompilerServices.Unsafe (>= 6.0) - restriction: || (&& (>= net462) (>= netstandard2.1)) (&& (>= net6.0) (< net7.0)) (&& (< net6.0) (>= netstandard2.1))
    System.Drawing.Common (7.0) - restriction: >= net6.0
      Microsoft.Win32.SystemEvents (>= 7.0) - restriction: >= net6.0
    System.Formats.Asn1 (7.0) - copy_local: true, restriction: || (&& (>= net45) (>= net6.0) (< netstandard2.0)) (&& (>= net45) (>= netcoreapp3.0) (< netstandard2.0)) (&& (>= net46) (>= net6.0)) (&& (>= net46) (>= netcoreapp3.0)) (&& (>= net461) (>= net6.0)) (&& (>= net461) (>= netcoreapp3.0)) (&& (>= net6.0) (< netcoreapp2.1) (< xamarinios) (< xamarinmac) (< xamarintvos) (< xamarinwatchos)) (&& (< netcoreapp2.1) (>= netcoreapp3.0) (< xamarinios) (< xamarinmac) (< xamarintvos) (< xamarinwatchos)) (&& (>= netcoreapp3.1) (< xamarinios) (< xamarinmac) (< xamarintvos) (< xamarinwatchos))
      System.Buffers (>= 4.5.1) - restriction: || (&& (>= net462) (>= netstandard2.1)) (&& (< net6.0) (>= netstandard2.1))
      System.Memory (>= 4.5.5) - restriction: || (&& (>= net462) (>= netstandard2.1)) (&& (< net6.0) (>= netstandard2.1))
    System.Globalization (4.3) - restriction: && (< monoandroid) (>= netstandard2.1) (< xamarinios) (< xamarinmac) (< xamarintvos) (< xamarinwatchos)
      Microsoft.NETCore.Platforms (>= 1.1) - restriction: || (&& (< monoandroid) (< netstandard1.3) (>= netstandard2.1)) (&& (< monoandroid) (>= netstandard2.1) (< xamarinios) (< xamarinmac) (< xamarintvos) (< xamarinwatchos))
      Microsoft.NETCore.Targets (>= 1.1) - restriction: || (&& (< monoandroid) (< netstandard1.3) (>= netstandard2.1)) (&& (< monoandroid) (>= netstandard2.1) (< xamarinios) (< xamarinmac) (< xamarintvos) (< xamarinwatchos))
      System.Runtime (>= 4.3) - restriction: || (&& (< monoandroid) (< netstandard1.3) (>= netstandard2.1)) (&& (< monoandroid) (>= netstandard2.1) (< xamarinios) (< xamarinmac) (< xamarintvos) (< xamarinwatchos))
    System.IdentityModel.Tokens.Jwt (6.27) - copy_local: true, restriction: || (&& (>= net45) (< netstandard2.0) (>= netstandard2.1)) (&& (>= net46) (>= net6.0)) (&& (>= net46) (>= netstandard2.1)) (&& (>= net461) (>= netstandard2.1)) (&& (>= net6.0) (< netcoreapp2.1)) (&& (< netcoreapp2.1) (>= netstandard2.1)) (>= netcoreapp3.1)
      Microsoft.IdentityModel.JsonWebTokens (>= 6.27)
      Microsoft.IdentityModel.Tokens (>= 6.27)
    System.IO (4.3) - restriction: && (< monoandroid) (>= netstandard2.1) (< xamarinios) (< xamarinmac) (< xamarintvos) (< xamarinwatchos)
      Microsoft.NETCore.Platforms (>= 1.1) - restriction: || (&& (< monoandroid) (< netstandard1.3) (>= netstandard2.1)) (&& (< monoandroid) (< netstandard1.5) (>= netstandard2.1)) (&& (>= netstandard2.1) (< xamarinios) (< xamarinmac) (< xamarintvos) (< xamarinwatchos))
      Microsoft.NETCore.Targets (>= 1.1) - restriction: || (&& (< monoandroid) (< netstandard1.3) (>= netstandard2.1)) (&& (< monoandroid) (< netstandard1.5) (>= netstandard2.1)) (&& (>= netstandard2.1) (< xamarinios) (< xamarinmac) (< xamarintvos) (< xamarinwatchos))
      System.Runtime (>= 4.3) - restriction: || (&& (< monoandroid) (< netstandard1.3) (>= netstandard2.1)) (&& (< monoandroid) (< netstandard1.5) (>= netstandard2.1)) (&& (>= netstandard2.1) (< xamarinios) (< xamarinmac) (< xamarintvos) (< xamarinwatchos))
      System.Text.Encoding (>= 4.3) - restriction: || (&& (< monoandroid) (< netstandard1.3) (>= netstandard2.1)) (&& (< monoandroid) (< netstandard1.5) (>= netstandard2.1)) (&& (>= netstandard2.1) (< xamarinios) (< xamarinmac) (< xamarintvos) (< xamarinwatchos))
      System.Threading.Tasks (>= 4.3) - restriction: || (&& (< monoandroid) (< netstandard1.3) (>= netstandard2.1)) (&& (< monoandroid) (< netstandard1.5) (>= netstandard2.1)) (&& (>= netstandard2.1) (< xamarinios) (< xamarinmac) (< xamarintvos) (< xamarinwatchos))
    System.Memory (4.5.5) - copy_local: true, restriction: || (&& (< monoandroid) (< netcoreapp2.1) (>= netcoreapp3.1) (< xamarinios) (< xamarinmac) (< xamarintvos) (< xamarinwatchos)) (&& (>= net45) (>= net6.0) (< netstandard2.0)) (&& (>= net45) (>= netcoreapp3.0) (< netstandard2.0)) (&& (>= net46) (>= net6.0)) (&& (>= net46) (>= netcoreapp3.0)) (&& (>= net461) (>= net6.0)) (&& (>= net461) (>= netcoreapp3.0)) (&& (>= net462) (>= net6.0)) (&& (>= net462) (>= netcoreapp3.0)) (&& (>= net462) (>= netcoreapp3.1)) (&& (>= net462) (>= netstandard2.1)) (&& (>= net6.0) (< netcoreapp2.1) (< xamarinios) (< xamarinmac) (< xamarintvos) (< xamarinwatchos)) (&& (< net6.0) (>= netcoreapp3.1)) (&& (< net6.0) (>= netstandard2.1) (< xamarinios) (< xamarinmac) (< xamarintvos) (< xamarinwatchos)) (&& (< netcoreapp2.0) (>= netcoreapp3.1) (< xamarinios) (< xamarinmac) (< xamarintvos) (< xamarinwatchos)) (&& (< netcoreapp2.0) (>= netstandard2.1) (< xamarinios) (< xamarinmac) (< xamarintvos) (< xamarinwatchos)) (&& (< netcoreapp2.1) (>= netcoreapp3.0) (< xamarinios) (< xamarinmac) (< xamarintvos) (< xamarinwatchos)) (&& (< netcoreapp2.1) (>= netstandard2.1)) (&& (>= netcoreapp3.1) (>= uap10.1)) (&& (>= netstandard2.1) (>= uap10.1))
      System.Buffers (>= 4.5.1) - restriction: || (&& (>= monoandroid) (< netstandard1.1) (>= netstandard2.1)) (&& (< monoandroid) (< netstandard1.1) (>= netstandard2.1)) (&& (< monoandroid) (< netstandard2.0) (>= netstandard2.1)) (&& (>= monotouch) (>= netstandard2.1)) (&& (>= net45) (< netstandard2.0) (>= netstandard2.1)) (&& (>= net461) (>= netstandard2.1)) (&& (< netcoreapp2.0) (>= netstandard2.1)) (&& (< netstandard1.1) (>= netstandard2.1) (>= win8)) (&& (< netstandard2.0) (>= netstandard2.1) (>= wpa81)) (&& (>= netstandard2.1) (>= xamarintvos)) (&& (>= netstandard2.1) (>= xamarinwatchos)) (>= xamarinios) (>= xamarinmac)
      System.Numerics.Vectors (>= 4.4) - restriction: && (< netcoreapp2.0) (>= netstandard2.1) (< xamarinios) (< xamarinmac) (< xamarintvos) (< xamarinwatchos)
      System.Runtime.CompilerServices.Unsafe (>= 4.5.3) - restriction: || (&& (>= monoandroid) (< netstandard1.1) (>= netstandard2.1)) (&& (< monoandroid) (>= netcoreapp2.0) (< netcoreapp2.1) (>= netstandard2.1)) (&& (< monoandroid) (< netstandard1.1) (>= netstandard2.1)) (&& (< monoandroid) (< netstandard2.0) (>= netstandard2.1)) (&& (>= monotouch) (>= netstandard2.1)) (&& (>= net45) (< netstandard2.0) (>= netstandard2.1)) (&& (>= net461) (>= netstandard2.1)) (&& (< netcoreapp2.0) (>= netstandard2.1)) (&& (< netstandard1.1) (>= netstandard2.1) (>= win8)) (&& (< netstandard2.0) (>= netstandard2.1) (>= wpa81)) (&& (>= netstandard2.1) (>= uap10.1)) (&& (>= netstandard2.1) (>= xamarintvos)) (&& (>= netstandard2.1) (>= xamarinwatchos)) (>= xamarinios) (>= xamarinmac)
    System.Numerics.Vectors (4.5) - copy_local: true, restriction: || (&& (>= net46) (>= net6.0)) (&& (>= net46) (>= netstandard2.1)) (&& (>= net461) (>= netstandard2.1)) (&& (>= net462) (>= net6.0)) (&& (>= net462) (>= netcoreapp3.1)) (&& (>= net462) (>= netstandard2.1)) (&& (>= net6.0) (< netcoreapp2.1)) (&& (< net6.0) (>= netcoreapp3.1)) (&& (< netcoreapp2.0) (>= netstandard2.1) (< xamarinios) (< xamarinmac) (< xamarintvos) (< xamarinwatchos)) (&& (< netcoreapp2.1) (>= netstandard2.1))
    System.Reflection (4.3) - restriction: && (< monoandroid) (>= netstandard2.1) (< xamarinios) (< xamarinmac) (< xamarintvos) (< xamarinwatchos)
      Microsoft.NETCore.Platforms (>= 1.1) - restriction: || (&& (< monoandroid) (< netstandard1.3) (>= netstandard2.1)) (&& (< monoandroid) (< netstandard1.5) (>= netstandard2.1)) (&& (>= netstandard2.1) (< xamarinios) (< xamarinmac) (< xamarintvos) (< xamarinwatchos))
      Microsoft.NETCore.Targets (>= 1.1) - restriction: || (&& (< monoandroid) (< netstandard1.3) (>= netstandard2.1)) (&& (< monoandroid) (< netstandard1.5) (>= netstandard2.1)) (&& (>= netstandard2.1) (< xamarinios) (< xamarinmac) (< xamarintvos) (< xamarinwatchos))
      System.IO (>= 4.3) - restriction: || (&& (< monoandroid) (< netstandard1.3) (>= netstandard2.1)) (&& (< monoandroid) (< netstandard1.5) (>= netstandard2.1)) (&& (>= netstandard2.1) (< xamarinios) (< xamarinmac) (< xamarintvos) (< xamarinwatchos))
      System.Reflection.Primitives (>= 4.3) - restriction: || (&& (< monoandroid) (< netstandard1.3) (>= netstandard2.1)) (&& (< monoandroid) (< netstandard1.5) (>= netstandard2.1)) (&& (>= netstandard2.1) (< xamarinios) (< xamarinmac) (< xamarintvos) (< xamarinwatchos))
      System.Runtime (>= 4.3) - restriction: || (&& (< monoandroid) (< netstandard1.3) (>= netstandard2.1)) (&& (< monoandroid) (< netstandard1.5) (>= netstandard2.1)) (&& (>= netstandard2.1) (< xamarinios) (< xamarinmac) (< xamarintvos) (< xamarinwatchos))
    System.Reflection.Primitives (4.3) - restriction: || (&& (< monoandroid) (< netstandard1.3) (>= netstandard2.1)) (&& (< monoandroid) (< netstandard1.5) (>= netstandard2.1)) (&& (< monoandroid) (>= netstandard2.1) (< xamarinios) (< xamarinmac) (< xamarintvos) (< xamarinwatchos))
      Microsoft.NETCore.Platforms (>= 1.1) - restriction: && (< monoandroid) (>= netstandard2.1) (< xamarinios) (< xamarinmac) (< xamarintvos) (< xamarinwatchos)
      Microsoft.NETCore.Targets (>= 1.1) - restriction: && (< monoandroid) (>= netstandard2.1) (< xamarinios) (< xamarinmac) (< xamarintvos) (< xamarinwatchos)
      System.Runtime (>= 4.3) - restriction: && (< monoandroid) (>= netstandard2.1) (< xamarinios) (< xamarinmac) (< xamarintvos) (< xamarinwatchos)
    System.Resources.ResourceManager (4.3) - restriction: && (< monoandroid) (>= netstandard2.1) (< xamarinios) (< xamarinmac) (< xamarintvos) (< xamarinwatchos)
      Microsoft.NETCore.Platforms (>= 1.1) - restriction: && (< monoandroid) (>= netstandard2.1) (< xamarinios) (< xamarinmac) (< xamarintvos) (< xamarinwatchos)
      Microsoft.NETCore.Targets (>= 1.1) - restriction: && (< monoandroid) (>= netstandard2.1) (< xamarinios) (< xamarinmac) (< xamarintvos) (< xamarinwatchos)
      System.Globalization (>= 4.3) - restriction: && (< monoandroid) (>= netstandard2.1) (< xamarinios) (< xamarinmac) (< xamarintvos) (< xamarinwatchos)
      System.Reflection (>= 4.3) - restriction: && (< monoandroid) (>= netstandard2.1) (< xamarinios) (< xamarinmac) (< xamarintvos) (< xamarinwatchos)
      System.Runtime (>= 4.3) - restriction: && (< monoandroid) (>= netstandard2.1) (< xamarinios) (< xamarinmac) (< xamarintvos) (< xamarinwatchos)
    System.Runtime (4.3.1) - restriction: || (&& (< monoandroid) (>= net6.0) (< netcoreapp2.1) (< xamarinios) (< xamarinmac) (< xamarintvos) (< xamarinwatchos)) (&& (< monoandroid) (>= net6.0) (< netstandard1.3)) (&& (< monoandroid) (>= netcoreapp3.1) (< netstandard1.3)) (&& (< monoandroid) (>= netcoreapp3.1) (< xamarinios) (< xamarinmac) (< xamarintvos) (< xamarinwatchos)) (&& (< monoandroid) (< netstandard1.3) (>= netstandard2.1)) (&& (< monoandroid) (< netstandard1.5) (>= netstandard2.1)) (&& (< monoandroid) (>= netstandard2.1) (< xamarinios) (< xamarinmac) (< xamarintvos) (< xamarinwatchos)) (&& (>= net46) (>= net6.0)) (&& (>= net46) (>= netstandard2.1)) (&& (>= net461) (>= netstandard2.1))
      Microsoft.NETCore.Platforms (>= 1.1.1) - restriction: || (&& (< monoandroid) (< netstandard1.2) (>= netstandard2.1)) (&& (< monoandroid) (< netstandard1.3) (>= netstandard2.1)) (&& (< monoandroid) (< netstandard1.5) (>= netstandard2.1)) (&& (>= netstandard2.1) (< xamarinios) (< xamarinmac) (< xamarintvos) (< xamarinwatchos))
      Microsoft.NETCore.Targets (>= 1.1.3) - restriction: || (&& (< monoandroid) (< netstandard1.2) (>= netstandard2.1)) (&& (< monoandroid) (< netstandard1.3) (>= netstandard2.1)) (&& (< monoandroid) (< netstandard1.5) (>= netstandard2.1)) (&& (>= netstandard2.1) (< xamarinios) (< xamarinmac) (< xamarintvos) (< xamarinwatchos))
    System.Runtime.Caching (4.7)
      System.Configuration.ConfigurationManager (>= 4.7) - restriction: && (>= netstandard2.1) (< xamarinios) (< xamarinmac) (< xamarintvos) (< xamarinwatchos)
    System.Runtime.CompilerServices.Unsafe (6.0) - copy_local: true, restriction: || (&& (>= monoandroid) (< netstandard1.1) (>= netstandard2.1)) (&& (< monoandroid) (>= net6.0) (< netstandard1.0)) (&& (< monoandroid) (>= net6.0) (< netstandard2.0) (< xamarintvos) (< xamarinwatchos)) (&& (< monoandroid) (>= netcoreapp3.1) (< netstandard1.0)) (&& (< monoandroid) (>= netcoreapp3.1) (< netstandard2.0) (< xamarintvos) (< xamarinwatchos)) (&& (< monoandroid) (< netstandard1.0) (>= netstandard2.1)) (&& (< monoandroid) (< netstandard1.1) (>= netstandard2.1)) (&& (< monoandroid) (< netstandard2.0) (>= netstandard2.1)) (&& (>= monotouch) (>= netstandard2.1)) (&& (>= net45) (>= net6.0) (< netstandard2.0)) (&& (>= net45) (>= netcoreapp3.1) (< netstandard2.0)) (&& (>= net45) (< netstandard2.0) (>= netstandard2.1)) (&& (>= net46) (>= net6.0)) (&& (>= net46) (>= netstandard2.1)) (&& (>= net461) (>= net6.0)) (&& (>= net461) (>= netcoreapp3.1)) (&& (>= net461) (>= netstandard2.1)) (&& (>= net462) (>= net6.0)) (&& (>= net462) (>= netcoreapp3.1)) (&& (>= net462) (>= netstandard2.1)) (&& (>= net6.0) (< net7.0)) (&& (>= net6.0) (< netcoreapp2.1)) (&& (>= net6.0) (< netstandard1.0) (>= win8)) (&& (>= net6.0) (< netstandard2.0) (>= wpa81)) (&& (>= net6.0) (>= wp8)) (&& (< net6.0) (>= netcoreapp3.1)) (&& (< netcoreapp2.0) (>= netstandard2.1)) (&& (< netcoreapp2.1) (>= netcoreapp3.1) (< xamarinios) (< xamarinmac) (< xamarintvos) (< xamarinwatchos)) (&& (< netcoreapp2.1) (>= netstandard2.1)) (&& (< netcoreapp2.1) (>= xamarinios)) (&& (< netcoreapp2.1) (>= xamarinmac)) (&& (>= netcoreapp3.1) (< netstandard1.0) (>= win8)) (&& (>= netcoreapp3.1) (< netstandard2.0) (>= wpa81)) (&& (>= netcoreapp3.1) (>= wp8)) (&& (< netstandard1.0) (>= netstandard2.1) (>= win8)) (&& (< netstandard1.1) (>= netstandard2.1) (>= win8)) (&& (< netstandard2.0) (>= netstandard2.1) (>= wpa81)) (&& (>= netstandard2.1) (>= uap10.1)) (&& (>= netstandard2.1) (>= wp8))
    System.Runtime.Extensions (4.3.1) - restriction: && (< monoandroid) (>= netstandard2.1) (< xamarinios) (< xamarinmac) (< xamarintvos) (< xamarinwatchos)
      Microsoft.NETCore.Platforms (>= 1.1.1) - restriction: || (&& (< monoandroid) (< netstandard1.3) (>= netstandard2.1)) (&& (< monoandroid) (< netstandard1.5) (>= netstandard2.1)) (&& (>= netstandard2.1) (< xamarinios) (< xamarinmac) (< xamarintvos) (< xamarinwatchos))
      Microsoft.NETCore.Targets (>= 1.1.3) - restriction: || (&& (< monoandroid) (< netstandard1.3) (>= netstandard2.1)) (&& (< monoandroid) (< netstandard1.5) (>= netstandard2.1)) (&& (>= netstandard2.1) (< xamarinios) (< xamarinmac) (< xamarintvos) (< xamarinwatchos))
      System.Runtime (>= 4.3.1) - restriction: || (&& (< monoandroid) (< netstandard1.3) (>= netstandard2.1)) (&& (< monoandroid) (< netstandard1.5) (>= netstandard2.1)) (&& (>= netstandard2.1) (< xamarinios) (< xamarinmac) (< xamarintvos) (< xamarinwatchos))
    System.Runtime.InteropServices.NFloat.Internal (6.0.1) - copy_local: true, restriction: >= net6.0-ios
    System.Runtime.Serialization.Formatters (4.3) - copy_local: true, restriction: || (&& (>= net46) (>= xamarinios)) (&& (< net6.0) (>= netcoreapp3.1) (>= xamarinios)) (&& (< netcoreapp2.1) (>= xamarinios))
    System.Runtime.Serialization.Primitives (4.3) - copy_local: true, restriction: || (&& (>= net46) (>= xamarinios)) (&& (< net6.0) (>= netcoreapp3.1) (>= xamarinios)) (&& (< netcoreapp2.1) (>= xamarinios))
    System.Security.AccessControl (6.0)
      System.Security.Principal.Windows (>= 5.0) - restriction: || (&& (>= net461) (>= netstandard2.1)) (&& (< net6.0) (>= netstandard2.1))
    System.Security.Cryptography.Cng (5.0) - copy_local: true, restriction: || (&& (>= net45) (>= net6.0) (< netstandard2.0)) (&& (>= net45) (< netstandard2.0) (>= netstandard2.1)) (&& (>= net46) (>= net6.0)) (&& (>= net46) (>= netstandard2.1)) (&& (>= net461) (>= net6.0)) (&& (>= net461) (>= netstandard2.1)) (&& (>= net6.0) (< netcoreapp2.1)) (&& (< netcoreapp2.1) (>= netstandard2.1)) (>= netcoreapp3.1)
      System.Formats.Asn1 (>= 5.0) - restriction: && (>= netcoreapp3.0) (< xamarinios) (< xamarinmac) (< xamarintvos) (< xamarinwatchos)
    System.Security.Cryptography.ProtectedData (7.0.1) - restriction: && (>= netstandard2.1) (< xamarinios) (< xamarinmac) (< xamarintvos) (< xamarinwatchos)
      System.Memory (>= 4.5.5) - restriction: && (< net6.0) (>= netstandard2.1)
    System.Security.Permissions (7.0)
      System.Security.AccessControl (>= 6.0) - restriction: || (&& (>= net462) (>= netstandard2.1)) (&& (< net6.0) (>= netstandard2.1))
      System.Windows.Extensions (>= 7.0) - restriction: >= net6.0
    System.Security.Principal.Windows (5.0) - copy_local: true
    System.Security.SecureString (4.3) - copy_local: true, restriction: || (&& (>= monoandroid10.0) (>= net46)) (&& (>= monoandroid10.0) (< net6.0) (>= netcoreapp3.1)) (&& (>= monoandroid10.0) (< netcoreapp2.1)) (&& (< monoandroid10.0) (>= monoandroid9.0) (< netcoreapp2.1) (>= netcoreapp3.1)) (&& (< monoandroid10.0) (>= monoandroid9.0) (< netcoreapp2.1) (>= netstandard2.1)) (&& (>= monoandroid9.0) (>= net46) (>= netstandard2.1)) (&& (>= net46) (>= xamarinios)) (&& (< net6.0) (>= netcoreapp3.1) (>= xamarinios)) (>= net6.0-android) (>= net6.0-ios) (&& (< netcoreapp2.1) (>= xamarinios))
    System.Text.Encoding (4.3) - copy_local: true
      Microsoft.NETCore.Platforms (>= 1.1) - restriction: || (&& (< monoandroid) (< netstandard1.3) (>= netstandard2.1)) (&& (< monoandroid) (>= netstandard2.1) (< xamarinios) (< xamarinmac) (< xamarintvos) (< xamarinwatchos))
      Microsoft.NETCore.Targets (>= 1.1) - restriction: || (&& (< monoandroid) (< netstandard1.3) (>= netstandard2.1)) (&& (< monoandroid) (>= netstandard2.1) (< xamarinios) (< xamarinmac) (< xamarintvos) (< xamarinwatchos))
      System.Runtime (>= 4.3) - restriction: || (&& (< monoandroid) (< netstandard1.3) (>= netstandard2.1)) (&& (< monoandroid) (>= netstandard2.1) (< xamarinios) (< xamarinmac) (< xamarintvos) (< xamarinwatchos))
    System.Text.Encoding.CodePages (7.0) - copy_local: true, restriction: || (&& (< netcoreapp2.1) (>= netstandard2.1)) (>= netcoreapp3.1)
      System.Memory (>= 4.5.5) - restriction: || (&& (>= net462) (>= netstandard2.1)) (&& (< net6.0) (>= netstandard2.1))
      System.Runtime.CompilerServices.Unsafe (>= 6.0) - restriction: || (&& (>= net462) (>= netstandard2.1)) (&& (>= net6.0) (< net7.0)) (&& (< net6.0) (>= netstandard2.1))
    System.Text.Encodings.Web (7.0) - copy_local: true, restriction: || (&& (>= net46) (>= net6.0)) (&& (>= net46) (>= netstandard2.1)) (&& (>= net461) (>= netstandard2.1)) (&& (>= net462) (>= net6.0)) (&& (>= net462) (>= netstandard2.1)) (&& (>= net6.0) (< netcoreapp2.1)) (&& (< netcoreapp2.1) (>= netstandard2.1)) (>= netcoreapp3.1)
      System.Buffers (>= 4.5.1) - restriction: || (&& (>= net462) (>= netstandard2.1)) (&& (< net6.0) (>= netstandard2.1))
      System.Memory (>= 4.5.5) - restriction: || (&& (>= net462) (>= netstandard2.1)) (&& (< net6.0) (>= netstandard2.1))
      System.Runtime.CompilerServices.Unsafe (>= 6.0) - restriction: || (&& (>= net462) (>= netstandard2.1)) (&& (>= net6.0) (< net7.0)) (&& (< net6.0) (>= netstandard2.1))
    System.Text.Json (7.0.2) - copy_local: true, restriction: || (&& (>= net46) (>= net6.0)) (&& (>= net46) (>= netstandard2.1)) (&& (>= net461) (>= netstandard2.1)) (&& (>= net6.0) (< netcoreapp2.1)) (&& (< netcoreapp2.1) (>= netstandard2.1)) (>= netcoreapp3.1)
      Microsoft.Bcl.AsyncInterfaces (>= 7.0) - restriction: || (&& (>= net462) (>= netstandard2.1)) (&& (< net6.0) (>= netstandard2.1))
      System.Buffers (>= 4.5.1) - restriction: || (&& (>= net462) (>= netstandard2.1)) (&& (< net6.0) (>= netstandard2.1))
      System.Memory (>= 4.5.5) - restriction: || (&& (>= net462) (>= netstandard2.1)) (&& (< net6.0) (>= netstandard2.1))
      System.Numerics.Vectors (>= 4.5) - restriction: || (&& (>= net462) (>= netstandard2.1)) (&& (< net6.0) (>= netstandard2.1))
      System.Runtime.CompilerServices.Unsafe (>= 6.0) - restriction: || (&& (>= net462) (>= netstandard2.1)) (&& (>= net6.0) (< net7.0)) (&& (< net6.0) (>= netstandard2.1))
      System.Text.Encodings.Web (>= 7.0)
      System.Threading.Tasks.Extensions (>= 4.5.4) - restriction: || (&& (>= net462) (>= netstandard2.1)) (&& (< net6.0) (>= netstandard2.1))
    System.Text.RegularExpressions (4.3.1) - restriction: && (< monoandroid) (>= netstandard2.1) (< xamarinios) (< xamarinmac) (< xamarintvos) (< xamarinwatchos)
      System.Collections (>= 4.3) - restriction: && (< netcoreapp1.1) (>= netstandard2.1) (< xamarinios) (< xamarinmac) (< xamarintvos) (< xamarinwatchos)
      System.Globalization (>= 4.3) - restriction: && (< netcoreapp1.1) (>= netstandard2.1) (< xamarinios) (< xamarinmac) (< xamarintvos) (< xamarinwatchos)
      System.Resources.ResourceManager (>= 4.3) - restriction: && (< netcoreapp1.1) (>= netstandard2.1) (< xamarinios) (< xamarinmac) (< xamarintvos) (< xamarinwatchos)
      System.Runtime (>= 4.3.1) - restriction: || (&& (< monoandroid) (< netstandard1.3) (>= netstandard2.1)) (&& (< monoandroid) (< netstandard1.6) (>= netstandard2.1)) (&& (>= netcoreapp1.1) (>= netstandard2.1) (< xamarinios) (< xamarinmac) (< xamarintvos) (< xamarinwatchos)) (&& (< netcoreapp1.1) (>= netstandard2.1) (< xamarinios) (< xamarinmac) (< xamarintvos) (< xamarinwatchos))
      System.Runtime.Extensions (>= 4.3.1) - restriction: && (< netcoreapp1.1) (>= netstandard2.1) (< xamarinios) (< xamarinmac) (< xamarintvos) (< xamarinwatchos)
      System.Threading (>= 4.3) - restriction: && (< netcoreapp1.1) (>= netstandard2.1) (< xamarinios) (< xamarinmac) (< xamarintvos) (< xamarinwatchos)
    System.Threading (4.3) - restriction: && (< monoandroid) (< netcoreapp1.1) (>= netstandard2.1) (< xamarinios) (< xamarinmac) (< xamarintvos) (< xamarinwatchos)
      System.Runtime (>= 4.3) - restriction: || (&& (< monoandroid) (< netstandard1.3) (>= netstandard2.1)) (&& (< monoandroid) (>= netstandard2.1) (< xamarinios) (< xamarinmac) (< xamarintvos) (< xamarinwatchos))
      System.Threading.Tasks (>= 4.3) - restriction: || (&& (< monoandroid) (< netstandard1.3) (>= netstandard2.1)) (&& (< monoandroid) (>= netstandard2.1) (< xamarinios) (< xamarinmac) (< xamarintvos) (< xamarinwatchos))
    System.Threading.Tasks (4.3) - restriction: || (&& (< monoandroid) (< netstandard1.3) (>= netstandard2.1)) (&& (< monoandroid) (>= netstandard2.1) (< xamarinios) (< xamarinmac) (< xamarintvos) (< xamarinwatchos))
      Microsoft.NETCore.Platforms (>= 1.1) - restriction: || (&& (< monoandroid) (< netstandard1.3) (>= netstandard2.1)) (&& (< monoandroid) (>= netstandard2.1) (< xamarinios) (< xamarinmac) (< xamarintvos) (< xamarinwatchos))
      Microsoft.NETCore.Targets (>= 1.1) - restriction: || (&& (< monoandroid) (< netstandard1.3) (>= netstandard2.1)) (&& (< monoandroid) (>= netstandard2.1) (< xamarinios) (< xamarinmac) (< xamarintvos) (< xamarinwatchos))
      System.Runtime (>= 4.3) - restriction: || (&& (< monoandroid) (< netstandard1.3) (>= netstandard2.1)) (&& (< monoandroid) (>= netstandard2.1) (< xamarinios) (< xamarinmac) (< xamarintvos) (< xamarinwatchos))
    System.Threading.Tasks.Extensions (4.5.4) - copy_local: true, restriction: || (&& (>= net46) (>= net6.0)) (&& (>= net46) (>= netstandard2.1)) (&& (>= net461) (>= netstandard2.1)) (&& (>= net462) (>= net6.0)) (&& (>= net462) (>= netcoreapp3.1)) (&& (>= net462) (>= netstandard2.1)) (&& (>= net6.0) (< netcoreapp2.1)) (&& (< net6.0) (>= netcoreapp3.1)) (&& (< netcoreapp2.1) (>= netstandard2.1))
      System.Runtime.CompilerServices.Unsafe (>= 4.5.3) - restriction: || (&& (< monoandroid) (< netstandard1.0) (>= netstandard2.1)) (&& (< monoandroid) (< netstandard2.0) (>= netstandard2.1) (< xamarintvos) (< xamarinwatchos)) (&& (>= net45) (< netstandard2.0) (>= netstandard2.1)) (&& (>= net461) (>= netstandard2.1)) (&& (< netcoreapp2.1) (>= netstandard2.1) (< xamarinios) (< xamarinmac) (< xamarintvos) (< xamarinwatchos)) (&& (< netstandard1.0) (>= netstandard2.1) (>= win8)) (&& (< netstandard2.0) (>= netstandard2.1) (>= wpa81)) (&& (>= netstandard2.1) (>= wp8))
    System.Windows.Extensions (7.0) - restriction: >= net6.0
      System.Drawing.Common (>= 7.0) - restriction: >= net6.0
    System.Xml.XmlDocument (4.3) - copy_local: true, restriction: || (&& (>= net46) (>= xamarinios)) (&& (< net6.0) (>= netcoreapp3.1) (>= xamarinios)) (&& (< netcoreapp2.1) (>= xamarinios))
    Xamarin.AndroidX.Annotation (1.5.0.2) - copy_local: true, restriction: || (&& (>= monoandroid12.0) (>= net46)) (&& (>= monoandroid12.0) (< net6.0) (>= netcoreapp3.1)) (&& (>= monoandroid12.0) (< netcoreapp2.1))
      Xamarin.AndroidX.Migration (>= 1.0.10) - restriction: && (>= monoandroid12.0) (< net6.0-android)
      Xamarin.Kotlin.StdLib (>= 1.8.0.1) - restriction: >= monoandroid12.0
    Xamarin.AndroidX.Annotation.Experimental (1.3.0.2) - copy_local: true, restriction: || (&& (>= monoandroid12.0) (>= net46)) (&& (>= monoandroid12.0) (< net6.0) (>= netcoreapp3.1)) (&& (>= monoandroid12.0) (< netcoreapp2.1))
      Xamarin.Kotlin.StdLib (>= 1.8.0.1) - restriction: >= monoandroid12.0
    Xamarin.AndroidX.Arch.Core.Common (2.1.0.17) - copy_local: true, restriction: || (&& (>= monoandroid12.0) (>= net46)) (&& (>= monoandroid12.0) (< net6.0) (>= netcoreapp3.1)) (&& (>= monoandroid12.0) (< netcoreapp2.1))
      Xamarin.AndroidX.Annotation (>= 1.5.0.2) - restriction: >= monoandroid12.0
    Xamarin.AndroidX.Arch.Core.Runtime (2.1.0.17) - copy_local: true, restriction: || (&& (>= monoandroid12.0) (>= net46)) (&& (>= monoandroid12.0) (< net6.0) (>= netcoreapp3.1)) (&& (>= monoandroid12.0) (< netcoreapp2.1))
      Xamarin.AndroidX.Annotation (>= 1.5.0.2) - restriction: >= monoandroid12.0
      Xamarin.AndroidX.Arch.Core.Common (>= 2.1.0.17) - restriction: >= monoandroid12.0
    Xamarin.AndroidX.Browser (1.4.0.4) - copy_local: true, restriction: || (&& (>= monoandroid10.0) (>= net46)) (&& (>= monoandroid10.0) (< net6.0) (>= netcoreapp3.1)) (&& (>= monoandroid10.0) (< netcoreapp2.1))
      Xamarin.AndroidX.Annotation (>= 1.5.0.2) - restriction: >= monoandroid12.0
      Xamarin.AndroidX.Collection (>= 1.2.0.6) - restriction: >= monoandroid12.0
      Xamarin.AndroidX.Concurrent.Futures (>= 1.1.0.11) - restriction: >= monoandroid12.0
      Xamarin.AndroidX.Core (>= 1.9.0.2) - restriction: >= monoandroid12.0
      Xamarin.AndroidX.Interpolator (>= 1.0.0.16) - restriction: >= monoandroid12.0
      Xamarin.Google.Guava.ListenableFuture (>= 1.0.0.11) - restriction: >= monoandroid12.0
    Xamarin.AndroidX.Collection (1.2.0.6) - copy_local: true, restriction: || (&& (>= monoandroid12.0) (>= net46)) (&& (>= monoandroid12.0) (< net6.0) (>= netcoreapp3.1)) (&& (>= monoandroid12.0) (< netcoreapp2.1))
      Xamarin.AndroidX.Annotation (>= 1.5.0.2) - restriction: >= monoandroid12.0
    Xamarin.AndroidX.Concurrent.Futures (1.1.0.11) - copy_local: true, restriction: || (&& (>= monoandroid12.0) (>= net46)) (&& (>= monoandroid12.0) (< net6.0) (>= netcoreapp3.1)) (&& (>= monoandroid12.0) (< netcoreapp2.1))
      Xamarin.AndroidX.Annotation (>= 1.5.0.2) - restriction: >= monoandroid12.0
      Xamarin.Google.Guava.ListenableFuture (>= 1.0.0.11) - restriction: >= monoandroid12.0
    Xamarin.AndroidX.Core (1.9.0.2) - copy_local: true, restriction: || (&& (>= monoandroid12.0) (>= net46)) (&& (>= monoandroid12.0) (< net6.0) (>= netcoreapp3.1)) (&& (>= monoandroid12.0) (< netcoreapp2.1))
      Xamarin.AndroidX.Annotation (>= 1.5.0.2) - restriction: >= monoandroid12.0
      Xamarin.AndroidX.Annotation.Experimental (>= 1.3.0.2) - restriction: >= monoandroid12.0
      Xamarin.AndroidX.Collection (>= 1.2.0.6) - restriction: >= monoandroid12.0
      Xamarin.AndroidX.Concurrent.Futures (>= 1.1.0.11) - restriction: >= monoandroid12.0
      Xamarin.AndroidX.Lifecycle.Runtime (>= 2.5.1.2) - restriction: >= monoandroid12.0
      Xamarin.AndroidX.VersionedParcelable (>= 1.1.1.16) - restriction: >= monoandroid12.0
    Xamarin.AndroidX.Interpolator (1.0.0.16) - copy_local: true, restriction: || (&& (>= monoandroid12.0) (>= net46)) (&& (>= monoandroid12.0) (< net6.0) (>= netcoreapp3.1)) (&& (>= monoandroid12.0) (< netcoreapp2.1))
      Xamarin.AndroidX.Annotation (>= 1.5.0.2) - restriction: >= monoandroid12.0
    Xamarin.AndroidX.Lifecycle.Common (2.5.1.2) - copy_local: true, restriction: || (&& (>= monoandroid12.0) (>= net46)) (&& (>= monoandroid12.0) (< net6.0) (>= netcoreapp3.1)) (&& (>= monoandroid12.0) (< netcoreapp2.1))
      Xamarin.AndroidX.Annotation (>= 1.5.0.2) - restriction: >= monoandroid12.0
    Xamarin.AndroidX.Lifecycle.Runtime (2.5.1.2) - copy_local: true, restriction: || (&& (>= monoandroid12.0) (>= net46)) (&& (>= monoandroid12.0) (< net6.0) (>= netcoreapp3.1)) (&& (>= monoandroid12.0) (< netcoreapp2.1))
      Xamarin.AndroidX.Annotation (>= 1.5.0.2) - restriction: >= monoandroid12.0
      Xamarin.AndroidX.Arch.Core.Common (>= 2.1.0.17) - restriction: >= monoandroid12.0
      Xamarin.AndroidX.Arch.Core.Runtime (>= 2.1.0.17) - restriction: >= monoandroid12.0
      Xamarin.AndroidX.Lifecycle.Common (>= 2.5.1.2) - restriction: >= monoandroid12.0
    Xamarin.AndroidX.Migration (1.0.10) - copy_local: true, restriction: || (&& (>= monoandroid12.0) (>= net46)) (&& (>= monoandroid12.0) (< net6.0) (>= netcoreapp3.1)) (&& (>= monoandroid12.0) (< netcoreapp2.1))
    Xamarin.AndroidX.VersionedParcelable (1.1.1.16) - copy_local: true, restriction: || (&& (>= monoandroid12.0) (>= net46)) (&& (>= monoandroid12.0) (< net6.0) (>= netcoreapp3.1)) (&& (>= monoandroid12.0) (< netcoreapp2.1))
      Xamarin.AndroidX.Annotation (>= 1.5.0.2) - restriction: >= monoandroid12.0
      Xamarin.AndroidX.Collection (>= 1.2.0.6) - restriction: >= monoandroid12.0
    Xamarin.Google.Guava.ListenableFuture (1.0.0.11) - copy_local: true, restriction: || (&& (>= monoandroid12.0) (>= net46)) (&& (>= monoandroid12.0) (< net6.0) (>= netcoreapp3.1)) (&& (>= monoandroid12.0) (< netcoreapp2.1))
    Xamarin.Jetbrains.Annotations (24.0.0.1) - copy_local: true, restriction: || (&& (>= monoandroid12.0) (>= net46)) (&& (>= monoandroid12.0) (< net6.0) (>= netcoreapp3.1)) (&& (>= monoandroid12.0) (< netcoreapp2.1))
    Xamarin.Kotlin.StdLib (1.8.10) - copy_local: true, restriction: || (&& (>= monoandroid12.0) (>= net46)) (&& (>= monoandroid12.0) (< net6.0) (>= netcoreapp3.1)) (&& (>= monoandroid12.0) (< netcoreapp2.1))
      Xamarin.Jetbrains.Annotations (>= 24.0.0.1) - restriction: >= monoandroid12.0
      Xamarin.Kotlin.StdLib.Common (>= 1.8.10) - restriction: >= monoandroid12.0
    Xamarin.Kotlin.StdLib.Common (1.8.10) - copy_local: true, restriction: || (&& (>= monoandroid12.0) (>= net46)) (&& (>= monoandroid12.0) (< net6.0) (>= netcoreapp3.1)) (&& (>= monoandroid12.0) (< netcoreapp2.1))

GROUP Samples
REDIRECTS: ON
RESTRICTION: >= netstandard2.1
NUGET
  remote: https://api.nuget.org/v3/index.json
    FSharp.Core (4.5.2) - redirects: force
    FSharp.Data.SqlClient (2.1.2)
      FSharp.Core (>= 4.3.4)
      System.Configuration.ConfigurationManager (>= 4.5)
      System.Data.SqlClient (>= 4.5.1)
    Microsoft.AspNet.WebApi (5.2.9)
      Microsoft.AspNet.WebApi.WebHost (>= 5.2.9 < 5.3)
    Microsoft.AspNet.WebApi.Client (5.2.9)
      Newtonsoft.Json (>= 10.0.1)
      Newtonsoft.Json.Bson (>= 1.0.1)
    Microsoft.AspNet.WebApi.Core (5.2.9)
      Microsoft.AspNet.WebApi.Client (>= 5.2.9)
    Microsoft.AspNet.WebApi.WebHost (5.2.9)
      Microsoft.AspNet.WebApi.Core (>= 5.2.9 < 5.3)
    Microsoft.SqlServer.Server (1.0)
    Microsoft.SqlServer.Types (160.1000.6)
      Microsoft.SqlServer.Server (>= 1.0)
    Microsoft.Win32.Registry (5.0) - restriction: || (&& (< monoandroid) (>= netcoreapp2.0) (< netcoreapp2.1) (>= netstandard2.1) (< xamarinios) (< xamarinmac) (< xamarintvos) (< xamarinwatchos)) (&& (< monoandroid) (>= netcoreapp2.1) (< netcoreapp3.1) (>= netstandard2.1) (< xamarinios) (< xamarinmac) (< xamarintvos) (< xamarinwatchos)) (&& (< netcoreapp2.0) (>= netstandard2.1) (< xamarinios) (< xamarinmac) (< xamarintvos) (< xamarinwatchos)) (&& (>= netcoreapp3.1) (< xamarinios) (< xamarinmac) (< xamarintvos) (< xamarinwatchos))
      System.Buffers (>= 4.5.1) - restriction: || (&& (>= monoandroid) (< netstandard1.3) (>= netstandard2.1)) (&& (>= monotouch) (>= netstandard2.1)) (&& (< netcoreapp2.0) (>= netstandard2.1)) (&& (>= netstandard2.1) (>= xamarintvos)) (&& (>= netstandard2.1) (>= xamarinwatchos)) (>= xamarinios) (>= xamarinmac)
      System.Memory (>= 4.5.4) - restriction: || (&& (< monoandroid) (>= netcoreapp2.0) (< netcoreapp2.1) (>= netstandard2.1) (< xamarinios) (< xamarinmac) (< xamarintvos) (< xamarinwatchos)) (&& (< netcoreapp2.0) (>= netstandard2.1) (< xamarinios) (< xamarinmac) (< xamarintvos) (< xamarinwatchos)) (&& (>= netstandard2.1) (>= uap10.1))
      System.Security.AccessControl (>= 5.0)
      System.Security.Principal.Windows (>= 5.0)
    Microsoft.Win32.SystemEvents (7.0) - restriction: >= net6.0
    Newtonsoft.Json (13.0.2) - redirects: force
    Newtonsoft.Json.Bson (1.0.2)
      Newtonsoft.Json (>= 12.0.1)
    runtime.native.System.Data.SqlClient.sni (4.7) - restriction: || (&& (< monoandroid) (>= netcoreapp2.0) (< netcoreapp2.1) (>= netstandard2.1) (< xamarinios) (< xamarinmac) (< xamarintvos) (< xamarinwatchos)) (&& (< monoandroid) (>= netcoreapp2.1) (< netcoreapp3.1) (>= netstandard2.1) (< xamarinios) (< xamarinmac) (< xamarintvos) (< xamarinwatchos)) (&& (< monoandroid) (< netstandard2.0) (>= netstandard2.1) (< xamarintvos) (< xamarinwatchos)) (&& (< netcoreapp2.0) (>= netstandard2.1) (< xamarinios) (< xamarinmac) (< xamarintvos) (< xamarinwatchos)) (&& (>= netcoreapp3.1) (< xamarinios) (< xamarinmac) (< xamarintvos) (< xamarinwatchos))
      runtime.win-arm64.runtime.native.System.Data.SqlClient.sni (>= 4.4)
      runtime.win-x64.runtime.native.System.Data.SqlClient.sni (>= 4.4)
      runtime.win-x86.runtime.native.System.Data.SqlClient.sni (>= 4.4)
    runtime.win-arm64.runtime.native.System.Data.SqlClient.sni (4.4) - restriction: || (&& (< monoandroid) (>= netcoreapp2.0) (< netcoreapp2.1) (>= netstandard2.1) (< xamarinios) (< xamarinmac) (< xamarintvos) (< xamarinwatchos)) (&& (< monoandroid) (>= netcoreapp2.1) (< netcoreapp3.1) (>= netstandard2.1) (< xamarinios) (< xamarinmac) (< xamarintvos) (< xamarinwatchos)) (&& (< monoandroid) (< netstandard2.0) (>= netstandard2.1) (< xamarintvos) (< xamarinwatchos)) (&& (< netcoreapp2.0) (>= netstandard2.1) (< xamarinios) (< xamarinmac) (< xamarintvos) (< xamarinwatchos)) (&& (>= netcoreapp3.1) (< xamarinios) (< xamarinmac) (< xamarintvos) (< xamarinwatchos))
    runtime.win-x64.runtime.native.System.Data.SqlClient.sni (4.4) - restriction: || (&& (< monoandroid) (>= netcoreapp2.0) (< netcoreapp2.1) (>= netstandard2.1) (< xamarinios) (< xamarinmac) (< xamarintvos) (< xamarinwatchos)) (&& (< monoandroid) (>= netcoreapp2.1) (< netcoreapp3.1) (>= netstandard2.1) (< xamarinios) (< xamarinmac) (< xamarintvos) (< xamarinwatchos)) (&& (< monoandroid) (< netstandard2.0) (>= netstandard2.1) (< xamarintvos) (< xamarinwatchos)) (&& (< netcoreapp2.0) (>= netstandard2.1) (< xamarinios) (< xamarinmac) (< xamarintvos) (< xamarinwatchos)) (&& (>= netcoreapp3.1) (< xamarinios) (< xamarinmac) (< xamarintvos) (< xamarinwatchos))
    runtime.win-x86.runtime.native.System.Data.SqlClient.sni (4.4) - restriction: || (&& (< monoandroid) (>= netcoreapp2.0) (< netcoreapp2.1) (>= netstandard2.1) (< xamarinios) (< xamarinmac) (< xamarintvos) (< xamarinwatchos)) (&& (< monoandroid) (>= netcoreapp2.1) (< netcoreapp3.1) (>= netstandard2.1) (< xamarinios) (< xamarinmac) (< xamarintvos) (< xamarinwatchos)) (&& (< monoandroid) (< netstandard2.0) (>= netstandard2.1) (< xamarintvos) (< xamarinwatchos)) (&& (< netcoreapp2.0) (>= netstandard2.1) (< xamarinios) (< xamarinmac) (< xamarintvos) (< xamarinwatchos)) (&& (>= netcoreapp3.1) (< xamarinios) (< xamarinmac) (< xamarintvos) (< xamarinwatchos))
    System.Buffers (4.5.1) - restriction: && (< netcoreapp2.0) (>= netstandard2.1) (< xamarinios) (< xamarinmac) (< xamarintvos) (< xamarinwatchos)
    System.Configuration.ConfigurationManager (7.0)
      System.Diagnostics.EventLog (>= 7.0) - restriction: >= net7.0
      System.Security.Cryptography.ProtectedData (>= 7.0)
      System.Security.Permissions (>= 7.0)
    System.Data.SqlClient (4.8.5)
      Microsoft.Win32.Registry (>= 4.7) - restriction: || (&& (< monoandroid) (>= netcoreapp2.0) (< netcoreapp2.1) (>= netstandard2.1) (< xamarinios) (< xamarinmac) (< xamarintvos) (< xamarinwatchos)) (&& (< monoandroid) (>= netcoreapp2.1) (< netcoreapp3.1) (>= netstandard2.1) (< xamarinios) (< xamarinmac) (< xamarintvos) (< xamarinwatchos)) (&& (< netcoreapp2.0) (>= netstandard2.1) (< xamarinios) (< xamarinmac) (< xamarintvos) (< xamarinwatchos)) (&& (>= netcoreapp3.1) (< xamarinios) (< xamarinmac) (< xamarintvos) (< xamarinwatchos))
      runtime.native.System.Data.SqlClient.sni (>= 4.7) - restriction: || (&& (< monoandroid) (>= netcoreapp2.0) (< netcoreapp2.1) (>= netstandard2.1) (< xamarinios) (< xamarinmac) (< xamarintvos) (< xamarinwatchos)) (&& (< monoandroid) (>= netcoreapp2.1) (< netcoreapp3.1) (>= netstandard2.1) (< xamarinios) (< xamarinmac) (< xamarintvos) (< xamarinwatchos)) (&& (< monoandroid) (< netstandard2.0) (>= netstandard2.1) (< xamarintvos) (< xamarinwatchos)) (&& (< netcoreapp2.0) (>= netstandard2.1) (< xamarinios) (< xamarinmac) (< xamarintvos) (< xamarinwatchos)) (&& (>= netcoreapp3.1) (< xamarinios) (< xamarinmac) (< xamarintvos) (< xamarinwatchos))
      System.Buffers (>= 4.5.1) - restriction: && (< netcoreapp2.0) (>= netstandard2.1) (< xamarinios) (< xamarinmac) (< xamarintvos) (< xamarinwatchos)
      System.Diagnostics.DiagnosticSource (>= 4.7) - restriction: || (&& (< monoandroid) (>= netcoreapp2.0) (< netcoreapp2.1) (>= netstandard2.1) (< xamarinios) (< xamarinmac) (< xamarintvos) (< xamarinwatchos)) (&& (< monoandroid) (>= netcoreapp2.1) (< netcoreapp3.1) (>= netstandard2.1) (< xamarinios) (< xamarinmac) (< xamarintvos) (< xamarinwatchos)) (&& (< monoandroid) (< netstandard2.0) (>= netstandard2.1) (< xamarintvos) (< xamarinwatchos)) (&& (< netcoreapp2.0) (>= netstandard2.1) (< xamarinios) (< xamarinmac) (< xamarintvos) (< xamarinwatchos)) (&& (>= netstandard2.1) (>= uap10.1))
      System.Memory (>= 4.5.4) - restriction: || (&& (< monoandroid) (>= netcoreapp2.0) (< netcoreapp2.1) (>= netstandard2.1) (< xamarinios) (< xamarinmac) (< xamarintvos) (< xamarinwatchos)) (&& (< netcoreapp2.0) (>= netstandard2.1) (< xamarinios) (< xamarinmac) (< xamarintvos) (< xamarinwatchos)) (&& (>= netstandard2.1) (>= uap10.1))
      System.Security.Principal.Windows (>= 4.7) - restriction: || (&& (< monoandroid) (>= netcoreapp2.0) (< netcoreapp2.1) (>= netstandard2.1) (< xamarinios) (< xamarinmac) (< xamarintvos) (< xamarinwatchos)) (&& (< monoandroid) (>= netcoreapp2.1) (< netcoreapp3.1) (>= netstandard2.1) (< xamarinios) (< xamarinmac) (< xamarintvos) (< xamarinwatchos)) (&& (< monoandroid) (< netstandard2.0) (>= netstandard2.1) (< xamarintvos) (< xamarinwatchos)) (&& (< netcoreapp2.0) (>= netstandard2.1) (< xamarinios) (< xamarinmac) (< xamarintvos) (< xamarinwatchos)) (&& (>= netcoreapp3.1) (< xamarinios) (< xamarinmac) (< xamarintvos) (< xamarinwatchos))
      System.Text.Encoding.CodePages (>= 4.7) - restriction: || (&& (< monoandroid) (>= netcoreapp2.0) (< netcoreapp2.1) (>= netstandard2.1) (< xamarinios) (< xamarinmac) (< xamarintvos) (< xamarinwatchos)) (&& (< monoandroid) (>= netcoreapp2.1) (< netcoreapp3.1) (>= netstandard2.1) (< xamarinios) (< xamarinmac) (< xamarintvos) (< xamarinwatchos)) (&& (< monoandroid) (< netstandard2.0) (>= netstandard2.1) (< xamarintvos) (< xamarinwatchos)) (&& (< netcoreapp2.0) (>= netstandard2.1) (< xamarinios) (< xamarinmac) (< xamarintvos) (< xamarinwatchos)) (&& (>= netstandard2.1) (>= uap10.1))
    System.Diagnostics.DiagnosticSource (7.0.1) - restriction: || (&& (< monoandroid) (>= netcoreapp2.0) (< netcoreapp2.1) (>= netstandard2.1) (< xamarinios) (< xamarinmac) (< xamarintvos) (< xamarinwatchos)) (&& (< monoandroid) (>= netcoreapp2.1) (< netcoreapp3.1) (>= netstandard2.1) (< xamarinios) (< xamarinmac) (< xamarintvos) (< xamarinwatchos)) (&& (< monoandroid) (< netstandard2.0) (>= netstandard2.1) (< xamarintvos) (< xamarinwatchos)) (&& (< netcoreapp2.0) (>= netstandard2.1) (< xamarinios) (< xamarinmac) (< xamarintvos) (< xamarinwatchos)) (&& (>= netstandard2.1) (>= uap10.1))
      System.Memory (>= 4.5.5) - restriction: || (&& (>= net462) (>= netstandard2.1)) (&& (< net6.0) (>= netstandard2.1))
      System.Runtime.CompilerServices.Unsafe (>= 6.0) - restriction: || (&& (>= net462) (>= netstandard2.1)) (&& (>= net6.0) (< net7.0)) (&& (< net6.0) (>= netstandard2.1))
    System.Diagnostics.EventLog (7.0) - restriction: >= net7.0
    System.Drawing.Common (7.0) - restriction: >= net6.0
      Microsoft.Win32.SystemEvents (>= 7.0) - restriction: >= net6.0
    System.Memory (4.5.5) - restriction: || (&& (< monoandroid) (>= netcoreapp2.0) (< netcoreapp2.1) (>= netstandard2.1) (< xamarinios) (< xamarinmac) (< xamarintvos) (< xamarinwatchos)) (&& (< monoandroid) (>= netcoreapp2.1) (< netcoreapp3.1) (>= netstandard2.1) (< xamarinios) (< xamarinmac) (< xamarintvos) (< xamarinwatchos)) (&& (< monoandroid) (< netstandard2.0) (>= netstandard2.1) (< xamarintvos) (< xamarinwatchos)) (&& (>= net462) (>= netstandard2.1)) (&& (< net6.0) (>= netstandard2.1)) (&& (< netcoreapp2.0) (>= netstandard2.1) (< xamarinios) (< xamarinmac) (< xamarintvos) (< xamarinwatchos)) (&& (>= netstandard2.1) (>= uap10.1))
      System.Buffers (>= 4.5.1) - restriction: || (&& (>= monoandroid) (< netstandard1.1) (>= netstandard2.1)) (&& (< monoandroid) (< netstandard1.1) (>= netstandard2.1)) (&& (< monoandroid) (< netstandard2.0) (>= netstandard2.1)) (&& (>= monotouch) (>= netstandard2.1)) (&& (>= net45) (< netstandard2.0) (>= netstandard2.1)) (&& (>= net461) (>= netstandard2.1)) (&& (< netcoreapp2.0) (>= netstandard2.1)) (&& (< netstandard1.1) (>= netstandard2.1) (>= win8)) (&& (< netstandard2.0) (>= netstandard2.1) (>= wpa81)) (&& (>= netstandard2.1) (>= xamarintvos)) (&& (>= netstandard2.1) (>= xamarinwatchos)) (>= xamarinios) (>= xamarinmac)
      System.Numerics.Vectors (>= 4.4) - restriction: && (< netcoreapp2.0) (>= netstandard2.1) (< xamarinios) (< xamarinmac) (< xamarintvos) (< xamarinwatchos)
      System.Runtime.CompilerServices.Unsafe (>= 4.5.3) - restriction: || (&& (>= monoandroid) (< netstandard1.1) (>= netstandard2.1)) (&& (< monoandroid) (>= netcoreapp2.0) (< netcoreapp2.1) (>= netstandard2.1)) (&& (< monoandroid) (< netstandard1.1) (>= netstandard2.1)) (&& (< monoandroid) (< netstandard2.0) (>= netstandard2.1)) (&& (>= monotouch) (>= netstandard2.1)) (&& (>= net45) (< netstandard2.0) (>= netstandard2.1)) (&& (>= net461) (>= netstandard2.1)) (&& (< netcoreapp2.0) (>= netstandard2.1)) (&& (< netstandard1.1) (>= netstandard2.1) (>= win8)) (&& (< netstandard2.0) (>= netstandard2.1) (>= wpa81)) (&& (>= netstandard2.1) (>= uap10.1)) (&& (>= netstandard2.1) (>= xamarintvos)) (&& (>= netstandard2.1) (>= xamarinwatchos)) (>= xamarinios) (>= xamarinmac)
    System.Numerics.Vectors (4.5) - restriction: || (&& (< netcoreapp2.0) (>= netstandard2.1) (< xamarinios) (< xamarinmac) (< xamarintvos) (< xamarinwatchos)) (&& (>= netstandard2.1) (>= uap10.1))
    System.Runtime.CompilerServices.Unsafe (6.0) - restriction: || (&& (>= monoandroid) (< netstandard1.1) (>= netstandard2.1)) (&& (< monoandroid) (>= net6.0) (< netcoreapp2.1) (< xamarinios) (< xamarinmac) (< xamarintvos) (< xamarinwatchos)) (&& (< monoandroid) (>= net6.0) (< netcoreapp3.1) (< xamarinios) (< xamarinmac) (< xamarintvos) (< xamarinwatchos)) (&& (< monoandroid) (>= net6.0) (< netstandard2.0) (< xamarintvos) (< xamarinwatchos)) (&& (< monoandroid) (>= netcoreapp2.0) (< netcoreapp2.1) (>= netstandard2.1) (< xamarinios) (< xamarinmac) (< xamarintvos) (< xamarinwatchos)) (&& (< monoandroid) (>= netcoreapp2.1) (< netcoreapp3.1) (>= netstandard2.1) (< xamarinios) (< xamarinmac) (< xamarintvos) (< xamarinwatchos)) (&& (< monoandroid) (< netstandard1.1) (>= netstandard2.1)) (&& (< monoandroid) (< netstandard2.0) (>= netstandard2.1) (< xamarintvos) (< xamarinwatchos)) (&& (>= monotouch) (>= netstandard2.1)) (&& (>= net45) (< netstandard2.0) (>= netstandard2.1)) (&& (>= net461) (>= netstandard2.1)) (&& (>= net462) (>= netstandard2.1)) (&& (>= net6.0) (< netcoreapp2.0) (< xamarinios) (< xamarinmac) (< xamarintvos) (< xamarinwatchos)) (&& (>= net6.0) (>= uap10.1)) (&& (< netcoreapp2.0) (>= netstandard2.1) (< xamarinios) (< xamarinmac) (< xamarintvos) (< xamarinwatchos)) (&& (< netstandard1.1) (>= netstandard2.1) (>= win8)) (&& (< netstandard2.0) (>= netstandard2.1) (>= wpa81)) (&& (>= netstandard2.1) (>= uap10.1)) (&& (>= uap10.1) (>= xamarinios)) (&& (>= uap10.1) (>= xamarinmac))
    System.Security.AccessControl (6.0) - restriction: || (&& (>= monoandroid) (>= netcoreapp3.1) (< netstandard1.3)) (&& (>= monoandroid) (< netstandard1.3) (>= netstandard2.1)) (&& (< monoandroid) (>= netcoreapp2.0) (< netcoreapp2.1) (>= netstandard2.1) (< xamarinios) (< xamarinmac) (< xamarintvos) (< xamarinwatchos)) (&& (< monoandroid) (>= netcoreapp2.1) (< netcoreapp3.1) (>= netstandard2.1) (< xamarinios) (< xamarinmac) (< xamarintvos) (< xamarinwatchos)) (&& (>= monotouch) (>= netcoreapp3.1)) (&& (>= monotouch) (>= netstandard2.1)) (&& (>= net461) (>= netcoreapp3.1)) (&& (>= net461) (>= netstandard2.1)) (&& (>= net462) (>= netstandard2.1)) (&& (< net6.0) (>= netstandard2.1)) (&& (< netcoreapp2.0) (>= netstandard2.1) (< xamarinios) (< xamarinmac) (< xamarintvos) (< xamarinwatchos)) (&& (>= netcoreapp3.1) (>= uap10.1)) (&& (>= netcoreapp3.1) (< xamarinios) (< xamarinmac) (< xamarintvos) (< xamarinwatchos)) (&& (>= netstandard2.1) (>= uap10.1))
      System.Security.Principal.Windows (>= 5.0) - restriction: || (&& (>= net461) (>= netstandard2.1)) (&& (< net6.0) (>= netstandard2.1))
    System.Security.Cryptography.ProtectedData (7.0.1)
      System.Memory (>= 4.5.5) - restriction: && (< net6.0) (>= netstandard2.1)
    System.Security.Permissions (7.0)
      System.Security.AccessControl (>= 6.0) - restriction: || (&& (>= net462) (>= netstandard2.1)) (&& (< net6.0) (>= netstandard2.1))
      System.Windows.Extensions (>= 7.0) - restriction: >= net6.0
    System.Security.Principal.Windows (5.0) - restriction: || (&& (>= monoandroid) (>= netcoreapp3.1) (< netstandard1.3)) (&& (>= monoandroid) (< netstandard1.3) (>= netstandard2.1)) (&& (< monoandroid) (>= netcoreapp2.0) (< netcoreapp2.1) (>= netstandard2.1) (< xamarinios) (< xamarinmac) (< xamarintvos) (< xamarinwatchos)) (&& (< monoandroid) (>= netcoreapp2.1) (< netcoreapp3.1) (>= netstandard2.1) (< xamarinios) (< xamarinmac) (< xamarintvos) (< xamarinwatchos)) (&& (>= monotouch) (>= netcoreapp3.1)) (&& (>= monotouch) (>= netstandard2.1)) (&& (>= net461) (>= netcoreapp3.1)) (&& (>= net461) (>= netstandard2.1)) (&& (>= net462) (>= netstandard2.1)) (&& (< net6.0) (>= netstandard2.1)) (&& (< netcoreapp2.0) (>= netstandard2.1) (< xamarinios) (< xamarinmac) (< xamarintvos) (< xamarinwatchos)) (&& (>= netcoreapp3.1) (>= uap10.1)) (&& (>= netcoreapp3.1) (< xamarinios) (< xamarinmac) (< xamarintvos) (< xamarinwatchos)) (&& (>= netstandard2.1) (>= uap10.1))
    System.Text.Encoding.CodePages (7.0) - restriction: || (&& (< monoandroid) (>= netcoreapp2.0) (< netcoreapp2.1) (>= netstandard2.1) (< xamarinios) (< xamarinmac) (< xamarintvos) (< xamarinwatchos)) (&& (< monoandroid) (>= netcoreapp2.1) (< netcoreapp3.1) (>= netstandard2.1) (< xamarinios) (< xamarinmac) (< xamarintvos) (< xamarinwatchos)) (&& (< monoandroid) (< netstandard2.0) (>= netstandard2.1) (< xamarintvos) (< xamarinwatchos)) (&& (< netcoreapp2.0) (>= netstandard2.1) (< xamarinios) (< xamarinmac) (< xamarintvos) (< xamarinwatchos)) (&& (>= netstandard2.1) (>= uap10.1))
      System.Memory (>= 4.5.5) - restriction: || (&& (>= net462) (>= netstandard2.1)) (&& (< net6.0) (>= netstandard2.1))
      System.Runtime.CompilerServices.Unsafe (>= 6.0) - restriction: || (&& (>= net462) (>= netstandard2.1)) (&& (>= net6.0) (< net7.0)) (&& (< net6.0) (>= netstandard2.1))
    System.Windows.Extensions (7.0) - restriction: >= net6.0
      System.Drawing.Common (>= 7.0) - restriction: >= net6.0

GROUP Test
STORAGE: NONE
RESTRICTION: >= netcoreapp3.1
NUGET
  remote: https://api.nuget.org/v3/index.json
    Azure.Core (1.29)
      Microsoft.Bcl.AsyncInterfaces (>= 1.1.1)
      System.Diagnostics.DiagnosticSource (>= 4.6)
      System.Memory.Data (>= 1.0.2)
      System.Numerics.Vectors (>= 4.5)
      System.Text.Encodings.Web (>= 4.7.2)
      System.Text.Json (>= 4.7.2)
      System.Threading.Tasks.Extensions (>= 4.5.4)
    Azure.Identity (1.8.2)
      Azure.Core (>= 1.25)
      Microsoft.Identity.Client (>= 4.49.1)
      Microsoft.Identity.Client.Extensions.Msal (>= 2.25.3)
      System.Memory (>= 4.5.4)
      System.Security.Cryptography.ProtectedData (>= 4.7)
      System.Text.Json (>= 4.7.2)
      System.Threading.Tasks.Extensions (>= 4.5.4)
    FSharp.Core (5.0) - redirects: force
    Microsoft.Bcl.AsyncInterfaces (7.0)
    Microsoft.CodeCoverage (17.5)
    Microsoft.CSharp (4.7)
    Microsoft.Data.SqlClient (5.1)
      Azure.Identity (>= 1.7)
      Microsoft.Data.SqlClient.SNI.runtime (>= 5.1)
      Microsoft.Identity.Client (>= 4.47.2)
      Microsoft.IdentityModel.JsonWebTokens (>= 6.24)
      Microsoft.IdentityModel.Protocols.OpenIdConnect (>= 6.24)
      Microsoft.SqlServer.Server (>= 1.0)
      Microsoft.Win32.Registry (>= 5.0) - restriction: || (&& (< net6.0) (>= netcoreapp3.1)) (&& (>= netcoreapp3.1) (< netstandard2.1))
      System.Configuration.ConfigurationManager (>= 6.0.1)
      System.Diagnostics.DiagnosticSource (>= 6.0) - restriction: >= net6.0
      System.Runtime.Caching (>= 6.0)
      System.Runtime.Loader (>= 4.3) - restriction: || (&& (< net6.0) (>= netcoreapp3.1)) (&& (>= netcoreapp3.1) (< netstandard2.1))
      System.Security.Cryptography.Cng (>= 5.0)
      System.Security.Principal.Windows (>= 5.0)
      System.Text.Encoding.CodePages (>= 6.0)
      System.Text.Encodings.Web (>= 6.0)
    Microsoft.Data.SqlClient.SNI.runtime (5.1)
    Microsoft.Identity.Client (4.50)
      Microsoft.CSharp (>= 4.5) - restriction: && (< net6.0) (>= netcoreapp3.1) (>= xamarinios)
      Microsoft.IdentityModel.Abstractions (>= 6.22) - restriction: || (&& (>= monoandroid10.0) (< net6.0) (>= netcoreapp3.1)) (&& (< monoandroid10.0) (>= monoandroid9.0) (< netcoreapp2.1) (>= netcoreapp3.1)) (&& (< monoandroid9.0) (>= net6.0) (< xamarinios)) (&& (< monoandroid9.0) (< net6.0) (>= netcoreapp3.1) (< xamarinios)) (&& (< monoandroid9.0) (< netcoreapp2.1) (>= netcoreapp3.1) (< xamarinios)) (&& (>= net45) (>= netcoreapp3.1) (< netstandard2.0)) (&& (>= net461) (>= netcoreapp3.1)) (&& (< net6.0) (>= netcoreapp3.1) (>= xamarinios)) (>= net6.0-android) (>= net6.0-ios) (>= net6.0-windows10.0.17763.0)
      Microsoft.Web.WebView2 (>= 1.0.864.35) - restriction: >= net6.0-windows10.0.17763.0
      System.ComponentModel.TypeConverter (>= 4.3) - restriction: && (< net6.0) (>= netcoreapp3.1) (>= xamarinios)
      System.Runtime.InteropServices.NFloat.Internal (>= 6.0.1) - restriction: >= net6.0-ios
      System.Runtime.Serialization.Formatters (>= 4.3) - restriction: && (< net6.0) (>= netcoreapp3.1) (>= xamarinios)
      System.Runtime.Serialization.Primitives (>= 4.3) - restriction: && (< net6.0) (>= netcoreapp3.1) (>= xamarinios)
      System.Security.SecureString (>= 4.3) - restriction: || (&& (>= monoandroid10.0) (< net6.0) (>= netcoreapp3.1)) (&& (< monoandroid10.0) (>= monoandroid9.0) (< netcoreapp2.1) (>= netcoreapp3.1)) (&& (< net6.0) (>= netcoreapp3.1) (>= xamarinios)) (>= net6.0-android) (>= net6.0-ios)
      System.Xml.XmlDocument (>= 4.3) - restriction: && (< net6.0) (>= netcoreapp3.1) (>= xamarinios)
      Xamarin.AndroidX.Browser (>= 1.0) - restriction: && (>= monoandroid10.0) (< net6.0) (>= netcoreapp3.1)
    Microsoft.Identity.Client.Extensions.Msal (2.26)
      Microsoft.Identity.Client (>= 4.50)
      System.IO.FileSystem.AccessControl (>= 5.0)
      System.Security.Cryptography.ProtectedData (>= 4.5)
    Microsoft.IdentityModel.Abstractions (6.27)
    Microsoft.IdentityModel.JsonWebTokens (6.27)
      Microsoft.IdentityModel.Tokens (>= 6.27)
      System.Text.Encoding (>= 4.3)
      System.Text.Encodings.Web (>= 4.7.2)
      System.Text.Json (>= 4.7.2)
    Microsoft.IdentityModel.Logging (6.27)
      Microsoft.IdentityModel.Abstractions (>= 6.27)
    Microsoft.IdentityModel.Protocols (6.27)
      Microsoft.IdentityModel.Logging (>= 6.27)
      Microsoft.IdentityModel.Tokens (>= 6.27)
    Microsoft.IdentityModel.Protocols.OpenIdConnect (6.27)
      Microsoft.IdentityModel.Protocols (>= 6.27)
      System.IdentityModel.Tokens.Jwt (>= 6.27)
      System.Text.Encoding (>= 4.3) - restriction: || (&& (>= net461) (>= netcoreapp3.1)) (&& (< net6.0) (>= netcoreapp3.1))
      System.Text.Encodings.Web (>= 4.7.2) - restriction: || (&& (>= net461) (>= netcoreapp3.1)) (&& (< net6.0) (>= netcoreapp3.1))
      System.Text.Json (>= 4.7.2) - restriction: || (&& (>= net461) (>= netcoreapp3.1)) (&& (< net6.0) (>= netcoreapp3.1))
    Microsoft.IdentityModel.Tokens (6.27)
      Microsoft.CSharp (>= 4.5)
      Microsoft.IdentityModel.Logging (>= 6.27)
      System.Security.Cryptography.Cng (>= 4.5)
      System.Text.Encoding (>= 4.3) - restriction: || (&& (>= net461) (>= netcoreapp3.1)) (&& (< net6.0) (>= netcoreapp3.1))
      System.Text.Encodings.Web (>= 4.7.2) - restriction: || (&& (>= net461) (>= netcoreapp3.1)) (&& (< net6.0) (>= netcoreapp3.1))
      System.Text.Json (>= 4.7.2) - restriction: || (&& (>= net461) (>= netcoreapp3.1)) (&& (< net6.0) (>= netcoreapp3.1))
    Microsoft.NET.Test.Sdk (17.5)
      Microsoft.CodeCoverage (>= 17.5)
      Microsoft.TestPlatform.TestHost (>= 17.5)
    Microsoft.NETCore.Platforms (7.0)
    Microsoft.NETCore.Targets (5.0) - restriction: || (&& (< monoandroid) (>= netcoreapp3.1) (< netstandard1.2)) (&& (< monoandroid) (>= netcoreapp3.1) (< netstandard1.3)) (&& (< monoandroid) (>= netcoreapp3.1) (< netstandard1.5)) (&& (< monoandroid) (>= netcoreapp3.1) (< xamarinios) (< xamarinmac) (< xamarintvos) (< xamarinwatchos)) (&& (< net6.0) (>= netcoreapp3.1) (< xamarinios) (< xamarinmac) (< xamarintvos) (< xamarinwatchos)) (&& (>= netcoreapp3.1) (< netstandard2.1) (< xamarintvos) (< xamarinwatchos))
    Microsoft.SqlServer.Server (1.0)
    Microsoft.SqlServer.Types (160.1000.6)
      Microsoft.SqlServer.Server (>= 1.0)
    Microsoft.TestPlatform.ObjectModel (17.5)
      NuGet.Frameworks (>= 5.11)
      System.Reflection.Metadata (>= 1.6)
    Microsoft.TestPlatform.TestHost (17.5)
      Microsoft.TestPlatform.ObjectModel (>= 17.5)
      Newtonsoft.Json (>= 13.0.1)
    Microsoft.Web.WebView2 (1.0.1587.40) - restriction: >= net6.0-windows10.0.17763.0
    Microsoft.Win32.Registry (5.0) - restriction: || (&& (< net6.0) (>= netcoreapp3.1)) (&& (>= netcoreapp3.1) (< netstandard2.1))
      System.Buffers (>= 4.5.1) - restriction: || (&& (>= monoandroid) (>= netcoreapp3.1) (< netstandard1.3)) (&& (>= monotouch) (>= netcoreapp3.1)) (&& (< netcoreapp2.0) (>= netcoreapp3.1)) (&& (>= netcoreapp3.1) (>= xamarinios)) (&& (>= netcoreapp3.1) (>= xamarinmac)) (&& (>= netcoreapp3.1) (>= xamarintvos)) (&& (>= netcoreapp3.1) (>= xamarinwatchos))
      System.Security.AccessControl (>= 5.0)
      System.Security.Principal.Windows (>= 5.0)
    Microsoft.Win32.SystemEvents (7.0) - restriction: >= net6.0
    NETStandard.Library (2.0.3)
      Microsoft.NETCore.Platforms (>= 1.1)
    Newtonsoft.Json (13.0.2)
    NuGet.Frameworks (6.5)
    System.Buffers (4.5.1) - restriction: || (&& (>= monoandroid) (>= netcoreapp3.1) (< netstandard1.3)) (&& (>= monotouch) (>= netcoreapp3.1)) (&& (>= net462) (>= netcoreapp3.1)) (&& (< net6.0) (>= netcoreapp3.1)) (&& (< netcoreapp2.0) (>= netcoreapp3.1)) (&& (>= netcoreapp3.1) (>= xamarinios)) (&& (>= netcoreapp3.1) (>= xamarinmac)) (&& (>= netcoreapp3.1) (>= xamarintvos)) (&& (>= netcoreapp3.1) (>= xamarinwatchos))
    System.Collections.Immutable (7.0)
      System.Memory (>= 4.5.5) - restriction: || (&& (>= net462) (>= netcoreapp3.1)) (&& (< net6.0) (>= netcoreapp3.1))
      System.Runtime.CompilerServices.Unsafe (>= 6.0) - restriction: || (&& (>= net462) (>= netcoreapp3.1)) (&& (>= net6.0) (< net7.0)) (&& (< net6.0) (>= netcoreapp3.1))
    System.ComponentModel.TypeConverter (4.3) - restriction: && (< net6.0) (>= netcoreapp3.1) (>= xamarinios)
    System.Configuration.ConfigurationManager (7.0)
      System.Diagnostics.EventLog (>= 7.0) - restriction: >= net7.0
      System.Security.Cryptography.ProtectedData (>= 7.0)
      System.Security.Permissions (>= 7.0)
    System.Diagnostics.DiagnosticSource (7.0.1)
      System.Runtime.CompilerServices.Unsafe (>= 6.0) - restriction: || (&& (>= net462) (>= netcoreapp3.1)) (&& (>= net6.0) (< net7.0)) (&& (< net6.0) (>= netcoreapp3.1))
    System.Diagnostics.EventLog (7.0) - restriction: >= net7.0
    System.Drawing.Common (7.0) - restriction: >= net6.0
      Microsoft.Win32.SystemEvents (>= 7.0) - restriction: >= net6.0
    System.Formats.Asn1 (7.0) - restriction: && (>= netcoreapp3.1) (< xamarinios) (< xamarinmac) (< xamarintvos) (< xamarinwatchos)
      System.Buffers (>= 4.5.1) - restriction: || (&& (>= net462) (>= netcoreapp3.1)) (&& (< net6.0) (>= netcoreapp3.1))
      System.Memory (>= 4.5.5) - restriction: || (&& (>= net462) (>= netcoreapp3.1)) (&& (< net6.0) (>= netcoreapp3.1))
    System.IdentityModel.Tokens.Jwt (6.27)
      Microsoft.IdentityModel.JsonWebTokens (>= 6.27)
      Microsoft.IdentityModel.Tokens (>= 6.27)
    System.IO (4.3) - restriction: || (&& (< net6.0) (>= netcoreapp3.1) (< xamarinios) (< xamarinmac) (< xamarintvos) (< xamarinwatchos)) (&& (>= netcoreapp3.1) (< netstandard2.1) (< xamarintvos) (< xamarinwatchos))
      Microsoft.NETCore.Platforms (>= 1.1) - restriction: || (&& (< monoandroid) (>= netcoreapp3.1) (< netstandard1.3)) (&& (< monoandroid) (>= netcoreapp3.1) (< netstandard1.5)) (&& (>= netcoreapp3.1) (< xamarinios) (< xamarinmac) (< xamarintvos) (< xamarinwatchos))
      Microsoft.NETCore.Targets (>= 1.1) - restriction: || (&& (< monoandroid) (>= netcoreapp3.1) (< netstandard1.3)) (&& (< monoandroid) (>= netcoreapp3.1) (< netstandard1.5)) (&& (>= netcoreapp3.1) (< xamarinios) (< xamarinmac) (< xamarintvos) (< xamarinwatchos))
      System.Runtime (>= 4.3) - restriction: || (&& (< monoandroid) (>= netcoreapp3.1) (< netstandard1.3)) (&& (< monoandroid) (>= netcoreapp3.1) (< netstandard1.5)) (&& (>= netcoreapp3.1) (< xamarinios) (< xamarinmac) (< xamarintvos) (< xamarinwatchos))
      System.Text.Encoding (>= 4.3) - restriction: || (&& (< monoandroid) (>= netcoreapp3.1) (< netstandard1.3)) (&& (< monoandroid) (>= netcoreapp3.1) (< netstandard1.5)) (&& (>= netcoreapp3.1) (< xamarinios) (< xamarinmac) (< xamarintvos) (< xamarinwatchos))
      System.Threading.Tasks (>= 4.3) - restriction: || (&& (< monoandroid) (>= netcoreapp3.1) (< netstandard1.3)) (&& (< monoandroid) (>= netcoreapp3.1) (< netstandard1.5)) (&& (>= netcoreapp3.1) (< xamarinios) (< xamarinmac) (< xamarintvos) (< xamarinwatchos))
    System.IO.FileSystem.AccessControl (5.0)
      System.Buffers (>= 4.5.1) - restriction: || (&& (>= monoandroid) (>= netcoreapp3.1) (< netstandard1.3)) (&& (>= monotouch) (>= netcoreapp3.1)) (&& (< netcoreapp2.0) (>= netcoreapp3.1)) (&& (>= netcoreapp3.1) (>= xamarinios)) (&& (>= netcoreapp3.1) (>= xamarinmac)) (&& (>= netcoreapp3.1) (>= xamarintvos)) (&& (>= netcoreapp3.1) (>= xamarinwatchos))
      System.Security.AccessControl (>= 5.0)
      System.Security.Principal.Windows (>= 5.0)
    System.Memory (4.5.5)
      System.Buffers (>= 4.5.1) - restriction: || (&& (>= monoandroid) (>= netcoreapp3.1) (< netstandard1.1)) (&& (< monoandroid) (>= netcoreapp3.1) (< netstandard1.1)) (&& (< monoandroid) (>= netcoreapp3.1) (< netstandard2.0)) (&& (>= monotouch) (>= netcoreapp3.1)) (&& (>= net45) (>= netcoreapp3.1) (< netstandard2.0)) (&& (>= net461) (>= netcoreapp3.1)) (&& (< netcoreapp2.0) (>= netcoreapp3.1)) (&& (>= netcoreapp3.1) (< netstandard1.1) (>= win8)) (&& (>= netcoreapp3.1) (< netstandard2.0) (>= wpa81)) (&& (>= netcoreapp3.1) (>= xamarinios)) (&& (>= netcoreapp3.1) (>= xamarinmac)) (&& (>= netcoreapp3.1) (>= xamarintvos)) (&& (>= netcoreapp3.1) (>= xamarinwatchos))
      System.Runtime.CompilerServices.Unsafe (>= 4.5.3) - restriction: || (&& (>= monoandroid) (>= netcoreapp3.1) (< netstandard1.1)) (&& (< monoandroid) (< netcoreapp2.1) (>= netcoreapp3.1)) (&& (< monoandroid) (>= netcoreapp3.1) (< netstandard1.1)) (&& (< monoandroid) (>= netcoreapp3.1) (< netstandard2.0)) (&& (>= monotouch) (>= netcoreapp3.1)) (&& (>= net45) (>= netcoreapp3.1) (< netstandard2.0)) (&& (>= net461) (>= netcoreapp3.1)) (&& (< netcoreapp2.0) (>= netcoreapp3.1)) (&& (>= netcoreapp3.1) (< netstandard1.1) (>= win8)) (&& (>= netcoreapp3.1) (< netstandard2.0) (>= wpa81)) (&& (>= netcoreapp3.1) (>= uap10.1)) (&& (>= netcoreapp3.1) (>= xamarinios)) (&& (>= netcoreapp3.1) (>= xamarinmac)) (&& (>= netcoreapp3.1) (>= xamarintvos)) (&& (>= netcoreapp3.1) (>= xamarinwatchos))
    System.Memory.Data (7.0)
      System.Memory (>= 4.5.5) - restriction: || (&& (>= net462) (>= netcoreapp3.1)) (&& (< net6.0) (>= netcoreapp3.1))
      System.Text.Json (>= 7.0)
    System.Numerics.Vectors (4.5)
    System.Reflection (4.3) - restriction: || (&& (< net6.0) (>= netcoreapp3.1) (< xamarinios) (< xamarinmac) (< xamarintvos) (< xamarinwatchos)) (&& (>= netcoreapp3.1) (< netstandard2.1) (< xamarintvos) (< xamarinwatchos))
      Microsoft.NETCore.Platforms (>= 1.1) - restriction: || (&& (< monoandroid) (>= netcoreapp3.1) (< netstandard1.3)) (&& (< monoandroid) (>= netcoreapp3.1) (< netstandard1.5)) (&& (>= netcoreapp3.1) (< xamarinios) (< xamarinmac) (< xamarintvos) (< xamarinwatchos))
      Microsoft.NETCore.Targets (>= 1.1) - restriction: || (&& (< monoandroid) (>= netcoreapp3.1) (< netstandard1.3)) (&& (< monoandroid) (>= netcoreapp3.1) (< netstandard1.5)) (&& (>= netcoreapp3.1) (< xamarinios) (< xamarinmac) (< xamarintvos) (< xamarinwatchos))
      System.IO (>= 4.3) - restriction: || (&& (< monoandroid) (>= netcoreapp3.1) (< netstandard1.3)) (&& (< monoandroid) (>= netcoreapp3.1) (< netstandard1.5)) (&& (>= netcoreapp3.1) (< xamarinios) (< xamarinmac) (< xamarintvos) (< xamarinwatchos))
      System.Reflection.Primitives (>= 4.3) - restriction: || (&& (< monoandroid) (>= netcoreapp3.1) (< netstandard1.3)) (&& (< monoandroid) (>= netcoreapp3.1) (< netstandard1.5)) (&& (>= netcoreapp3.1) (< xamarinios) (< xamarinmac) (< xamarintvos) (< xamarinwatchos))
      System.Runtime (>= 4.3) - restriction: || (&& (< monoandroid) (>= netcoreapp3.1) (< netstandard1.3)) (&& (< monoandroid) (>= netcoreapp3.1) (< netstandard1.5)) (&& (>= netcoreapp3.1) (< xamarinios) (< xamarinmac) (< xamarintvos) (< xamarinwatchos))
    System.Reflection.Metadata (7.0)
      System.Collections.Immutable (>= 7.0)
      System.Memory (>= 4.5.5) - restriction: || (&& (>= net462) (>= netcoreapp3.1)) (&& (< net6.0) (>= netcoreapp3.1))
    System.Reflection.Primitives (4.3) - restriction: || (&& (< monoandroid) (>= netcoreapp3.1) (< netstandard1.3)) (&& (< monoandroid) (>= netcoreapp3.1) (< netstandard1.5)) (&& (< net6.0) (>= netcoreapp3.1) (< xamarinios) (< xamarinmac) (< xamarintvos) (< xamarinwatchos)) (&& (>= netcoreapp3.1) (< netstandard2.1) (< xamarintvos) (< xamarinwatchos))
      Microsoft.NETCore.Platforms (>= 1.1) - restriction: && (< monoandroid) (>= netcoreapp3.1) (< xamarinios) (< xamarinmac) (< xamarintvos) (< xamarinwatchos)
      Microsoft.NETCore.Targets (>= 1.1) - restriction: && (< monoandroid) (>= netcoreapp3.1) (< xamarinios) (< xamarinmac) (< xamarintvos) (< xamarinwatchos)
      System.Runtime (>= 4.3) - restriction: && (< monoandroid) (>= netcoreapp3.1) (< xamarinios) (< xamarinmac) (< xamarintvos) (< xamarinwatchos)
    System.Runtime (4.3.1) - restriction: || (&& (< monoandroid) (>= netcoreapp3.1) (< netstandard1.3)) (&& (< monoandroid) (>= netcoreapp3.1) (< netstandard1.5)) (&& (< monoandroid) (>= netcoreapp3.1) (< xamarinios) (< xamarinmac) (< xamarintvos) (< xamarinwatchos)) (&& (< net6.0) (>= netcoreapp3.1) (< xamarinios) (< xamarinmac) (< xamarintvos) (< xamarinwatchos)) (&& (>= netcoreapp3.1) (< netstandard2.1) (< xamarintvos) (< xamarinwatchos))
      Microsoft.NETCore.Platforms (>= 1.1.1) - restriction: || (&& (< monoandroid) (>= netcoreapp3.1) (< netstandard1.2)) (&& (< monoandroid) (>= netcoreapp3.1) (< netstandard1.3)) (&& (< monoandroid) (>= netcoreapp3.1) (< netstandard1.5)) (&& (>= netcoreapp3.1) (< xamarinios) (< xamarinmac) (< xamarintvos) (< xamarinwatchos))
      Microsoft.NETCore.Targets (>= 1.1.3) - restriction: || (&& (< monoandroid) (>= netcoreapp3.1) (< netstandard1.2)) (&& (< monoandroid) (>= netcoreapp3.1) (< netstandard1.3)) (&& (< monoandroid) (>= netcoreapp3.1) (< netstandard1.5)) (&& (>= netcoreapp3.1) (< xamarinios) (< xamarinmac) (< xamarintvos) (< xamarinwatchos))
    System.Runtime.Caching (7.0)
      System.Configuration.ConfigurationManager (>= 7.0)
    System.Runtime.CompilerServices.Unsafe (6.0) - restriction: || (&& (>= monoandroid) (>= netcoreapp3.1) (< netstandard1.1)) (&& (< monoandroid) (< netcoreapp2.1) (>= netcoreapp3.1)) (&& (< monoandroid) (>= netcoreapp3.1) (< netstandard1.1)) (&& (< monoandroid) (>= netcoreapp3.1) (< netstandard2.0)) (&& (>= monotouch) (>= netcoreapp3.1)) (&& (>= net45) (>= netcoreapp3.1) (< netstandard2.0)) (&& (>= net461) (>= netcoreapp3.1)) (&& (>= net462) (>= net6.0)) (&& (>= net462) (>= netcoreapp3.1)) (&& (>= net6.0) (< net7.0)) (&& (< net6.0) (>= netcoreapp3.1)) (&& (< netcoreapp2.0) (>= netcoreapp3.1)) (&& (>= netcoreapp3.1) (< netstandard1.1) (>= win8)) (&& (>= netcoreapp3.1) (< netstandard2.0) (>= wpa81)) (&& (>= netcoreapp3.1) (>= uap10.1))
    System.Runtime.InteropServices.NFloat.Internal (6.0.1) - restriction: >= net6.0-ios
    System.Runtime.Loader (4.3) - restriction: || (&& (< net6.0) (>= netcoreapp3.1)) (&& (>= netcoreapp3.1) (< netstandard2.1))
      System.IO (>= 4.3) - restriction: && (>= netcoreapp3.1) (< xamarinios) (< xamarinmac) (< xamarintvos) (< xamarinwatchos)
      System.Reflection (>= 4.3) - restriction: && (>= netcoreapp3.1) (< xamarinios) (< xamarinmac) (< xamarintvos) (< xamarinwatchos)
      System.Runtime (>= 4.3) - restriction: && (>= netcoreapp3.1) (< xamarinios) (< xamarinmac) (< xamarintvos) (< xamarinwatchos)
    System.Runtime.Serialization.Formatters (4.3) - restriction: && (< net6.0) (>= netcoreapp3.1) (>= xamarinios)
    System.Runtime.Serialization.Primitives (4.3) - restriction: && (< net6.0) (>= netcoreapp3.1) (>= xamarinios)
    System.Security.AccessControl (6.0)
      System.Security.Principal.Windows (>= 5.0) - restriction: || (&& (>= net461) (>= netcoreapp3.1)) (&& (< net6.0) (>= netcoreapp3.1))
    System.Security.Cryptography.Cng (5.0)
      System.Formats.Asn1 (>= 5.0) - restriction: && (>= netcoreapp3.1) (< xamarinios) (< xamarinmac) (< xamarintvos) (< xamarinwatchos)
    System.Security.Cryptography.ProtectedData (7.0.1)
      System.Memory (>= 4.5.5) - restriction: && (< net6.0) (>= netcoreapp3.1)
    System.Security.Permissions (7.0)
      System.Security.AccessControl (>= 6.0) - restriction: || (&& (>= net462) (>= netcoreapp3.1)) (&& (< net6.0) (>= netcoreapp3.1))
      System.Windows.Extensions (>= 7.0) - restriction: >= net6.0
    System.Security.Principal.Windows (5.0)
    System.Security.SecureString (4.3) - restriction: || (&& (>= monoandroid10.0) (< net6.0) (>= netcoreapp3.1)) (&& (< monoandroid10.0) (>= monoandroid9.0) (< netcoreapp2.1) (>= netcoreapp3.1)) (&& (< net6.0) (>= netcoreapp3.1) (>= xamarinios)) (>= net6.0-android) (>= net6.0-ios)
    System.Text.Encoding (4.3)
      Microsoft.NETCore.Platforms (>= 1.1) - restriction: || (&& (< monoandroid) (>= netcoreapp3.1) (< netstandard1.3)) (&& (< monoandroid) (>= netcoreapp3.1) (< xamarinios) (< xamarinmac) (< xamarintvos) (< xamarinwatchos))
      Microsoft.NETCore.Targets (>= 1.1) - restriction: || (&& (< monoandroid) (>= netcoreapp3.1) (< netstandard1.3)) (&& (< monoandroid) (>= netcoreapp3.1) (< xamarinios) (< xamarinmac) (< xamarintvos) (< xamarinwatchos))
      System.Runtime (>= 4.3) - restriction: || (&& (< monoandroid) (>= netcoreapp3.1) (< netstandard1.3)) (&& (< monoandroid) (>= netcoreapp3.1) (< xamarinios) (< xamarinmac) (< xamarintvos) (< xamarinwatchos))
    System.Text.Encoding.CodePages (7.0)
      System.Memory (>= 4.5.5) - restriction: || (&& (>= net462) (>= netcoreapp3.1)) (&& (< net6.0) (>= netcoreapp3.1))
      System.Runtime.CompilerServices.Unsafe (>= 6.0) - restriction: || (&& (>= net462) (>= netcoreapp3.1)) (&& (>= net6.0) (< net7.0)) (&& (< net6.0) (>= netcoreapp3.1))
    System.Text.Encodings.Web (7.0)
      System.Buffers (>= 4.5.1) - restriction: || (&& (>= net462) (>= netcoreapp3.1)) (&& (< net6.0) (>= netcoreapp3.1))
      System.Memory (>= 4.5.5) - restriction: || (&& (>= net462) (>= netcoreapp3.1)) (&& (< net6.0) (>= netcoreapp3.1))
      System.Runtime.CompilerServices.Unsafe (>= 6.0) - restriction: || (&& (>= net462) (>= netcoreapp3.1)) (&& (>= net6.0) (< net7.0)) (&& (< net6.0) (>= netcoreapp3.1))
    System.Text.Json (7.0.2)
      Microsoft.Bcl.AsyncInterfaces (>= 7.0) - restriction: || (&& (>= net462) (>= netcoreapp3.1)) (&& (< net6.0) (>= netcoreapp3.1))
      System.Buffers (>= 4.5.1) - restriction: || (&& (>= net462) (>= netcoreapp3.1)) (&& (< net6.0) (>= netcoreapp3.1))
      System.Memory (>= 4.5.5) - restriction: || (&& (>= net462) (>= netcoreapp3.1)) (&& (< net6.0) (>= netcoreapp3.1))
      System.Numerics.Vectors (>= 4.5) - restriction: || (&& (>= net462) (>= netcoreapp3.1)) (&& (< net6.0) (>= netcoreapp3.1))
      System.Runtime.CompilerServices.Unsafe (>= 6.0) - restriction: || (&& (>= net462) (>= netcoreapp3.1)) (&& (>= net6.0) (< net7.0)) (&& (< net6.0) (>= netcoreapp3.1))
      System.Text.Encodings.Web (>= 7.0)
      System.Threading.Tasks.Extensions (>= 4.5.4) - restriction: || (&& (>= net462) (>= netcoreapp3.1)) (&& (< net6.0) (>= netcoreapp3.1))
    System.Threading.Tasks (4.3) - restriction: || (&& (< monoandroid) (>= netcoreapp3.1) (< netstandard1.3)) (&& (< monoandroid) (>= netcoreapp3.1) (< netstandard1.5)) (&& (< net6.0) (>= netcoreapp3.1) (< xamarinios) (< xamarinmac) (< xamarintvos) (< xamarinwatchos)) (&& (>= netcoreapp3.1) (< netstandard2.1) (< xamarintvos) (< xamarinwatchos))
      Microsoft.NETCore.Platforms (>= 1.1) - restriction: || (&& (< monoandroid) (>= netcoreapp3.1) (< netstandard1.3)) (&& (< monoandroid) (>= netcoreapp3.1) (< xamarinios) (< xamarinmac) (< xamarintvos) (< xamarinwatchos))
      Microsoft.NETCore.Targets (>= 1.1) - restriction: || (&& (< monoandroid) (>= netcoreapp3.1) (< netstandard1.3)) (&& (< monoandroid) (>= netcoreapp3.1) (< xamarinios) (< xamarinmac) (< xamarintvos) (< xamarinwatchos))
      System.Runtime (>= 4.3) - restriction: || (&& (< monoandroid) (>= netcoreapp3.1) (< netstandard1.3)) (&& (< monoandroid) (>= netcoreapp3.1) (< xamarinios) (< xamarinmac) (< xamarintvos) (< xamarinwatchos))
    System.Threading.Tasks.Extensions (4.5.4)
    System.Windows.Extensions (7.0) - restriction: >= net6.0
      System.Drawing.Common (>= 7.0) - restriction: >= net6.0
    System.Xml.XmlDocument (4.3) - restriction: && (< net6.0) (>= netcoreapp3.1) (>= xamarinios)
    Xamarin.AndroidX.Annotation (1.5.0.2) - restriction: && (>= monoandroid12.0) (< net6.0) (>= netcoreapp3.1)
      Xamarin.AndroidX.Migration (>= 1.0.10) - restriction: && (>= monoandroid12.0) (< net6.0-android) (>= netcoreapp3.1)
      Xamarin.Kotlin.StdLib (>= 1.8.0.1) - restriction: && (>= monoandroid12.0) (>= netcoreapp3.1)
    Xamarin.AndroidX.Annotation.Experimental (1.3.0.2) - restriction: && (>= monoandroid12.0) (< net6.0) (>= netcoreapp3.1)
      Xamarin.Kotlin.StdLib (>= 1.8.0.1) - restriction: && (>= monoandroid12.0) (>= netcoreapp3.1)
    Xamarin.AndroidX.Arch.Core.Common (2.1.0.17) - restriction: && (>= monoandroid12.0) (< net6.0) (>= netcoreapp3.1)
      Xamarin.AndroidX.Annotation (>= 1.5.0.2) - restriction: && (>= monoandroid12.0) (>= netcoreapp3.1)
    Xamarin.AndroidX.Arch.Core.Runtime (2.1.0.17) - restriction: && (>= monoandroid12.0) (< net6.0) (>= netcoreapp3.1)
      Xamarin.AndroidX.Annotation (>= 1.5.0.2) - restriction: && (>= monoandroid12.0) (>= netcoreapp3.1)
      Xamarin.AndroidX.Arch.Core.Common (>= 2.1.0.17) - restriction: && (>= monoandroid12.0) (>= netcoreapp3.1)
    Xamarin.AndroidX.Browser (1.4.0.4) - restriction: && (>= monoandroid10.0) (< net6.0) (>= netcoreapp3.1)
      Xamarin.AndroidX.Annotation (>= 1.5.0.2) - restriction: && (>= monoandroid12.0) (>= netcoreapp3.1)
      Xamarin.AndroidX.Collection (>= 1.2.0.6) - restriction: && (>= monoandroid12.0) (>= netcoreapp3.1)
      Xamarin.AndroidX.Concurrent.Futures (>= 1.1.0.11) - restriction: && (>= monoandroid12.0) (>= netcoreapp3.1)
      Xamarin.AndroidX.Core (>= 1.9.0.2) - restriction: && (>= monoandroid12.0) (>= netcoreapp3.1)
      Xamarin.AndroidX.Interpolator (>= 1.0.0.16) - restriction: && (>= monoandroid12.0) (>= netcoreapp3.1)
      Xamarin.Google.Guava.ListenableFuture (>= 1.0.0.11) - restriction: && (>= monoandroid12.0) (>= netcoreapp3.1)
    Xamarin.AndroidX.Collection (1.2.0.6) - restriction: && (>= monoandroid12.0) (< net6.0) (>= netcoreapp3.1)
      Xamarin.AndroidX.Annotation (>= 1.5.0.2) - restriction: && (>= monoandroid12.0) (>= netcoreapp3.1)
    Xamarin.AndroidX.Concurrent.Futures (1.1.0.11) - restriction: && (>= monoandroid12.0) (< net6.0) (>= netcoreapp3.1)
      Xamarin.AndroidX.Annotation (>= 1.5.0.2) - restriction: && (>= monoandroid12.0) (>= netcoreapp3.1)
      Xamarin.Google.Guava.ListenableFuture (>= 1.0.0.11) - restriction: && (>= monoandroid12.0) (>= netcoreapp3.1)
    Xamarin.AndroidX.Core (1.9.0.2) - restriction: && (>= monoandroid12.0) (< net6.0) (>= netcoreapp3.1)
      Xamarin.AndroidX.Annotation (>= 1.5.0.2) - restriction: && (>= monoandroid12.0) (>= netcoreapp3.1)
      Xamarin.AndroidX.Annotation.Experimental (>= 1.3.0.2) - restriction: && (>= monoandroid12.0) (>= netcoreapp3.1)
      Xamarin.AndroidX.Collection (>= 1.2.0.6) - restriction: && (>= monoandroid12.0) (>= netcoreapp3.1)
      Xamarin.AndroidX.Concurrent.Futures (>= 1.1.0.11) - restriction: && (>= monoandroid12.0) (>= netcoreapp3.1)
      Xamarin.AndroidX.Lifecycle.Runtime (>= 2.5.1.2) - restriction: && (>= monoandroid12.0) (>= netcoreapp3.1)
      Xamarin.AndroidX.VersionedParcelable (>= 1.1.1.16) - restriction: && (>= monoandroid12.0) (>= netcoreapp3.1)
    Xamarin.AndroidX.Interpolator (1.0.0.16) - restriction: && (>= monoandroid12.0) (< net6.0) (>= netcoreapp3.1)
      Xamarin.AndroidX.Annotation (>= 1.5.0.2) - restriction: && (>= monoandroid12.0) (>= netcoreapp3.1)
    Xamarin.AndroidX.Lifecycle.Common (2.5.1.2) - restriction: && (>= monoandroid12.0) (< net6.0) (>= netcoreapp3.1)
      Xamarin.AndroidX.Annotation (>= 1.5.0.2) - restriction: && (>= monoandroid12.0) (>= netcoreapp3.1)
    Xamarin.AndroidX.Lifecycle.Runtime (2.5.1.2) - restriction: && (>= monoandroid12.0) (< net6.0) (>= netcoreapp3.1)
      Xamarin.AndroidX.Annotation (>= 1.5.0.2) - restriction: && (>= monoandroid12.0) (>= netcoreapp3.1)
      Xamarin.AndroidX.Arch.Core.Common (>= 2.1.0.17) - restriction: && (>= monoandroid12.0) (>= netcoreapp3.1)
      Xamarin.AndroidX.Arch.Core.Runtime (>= 2.1.0.17) - restriction: && (>= monoandroid12.0) (>= netcoreapp3.1)
      Xamarin.AndroidX.Lifecycle.Common (>= 2.5.1.2) - restriction: && (>= monoandroid12.0) (>= netcoreapp3.1)
    Xamarin.AndroidX.Migration (1.0.10) - restriction: && (>= monoandroid12.0) (< net6.0) (>= netcoreapp3.1)
    Xamarin.AndroidX.VersionedParcelable (1.1.1.16) - restriction: && (>= monoandroid12.0) (< net6.0) (>= netcoreapp3.1)
      Xamarin.AndroidX.Annotation (>= 1.5.0.2) - restriction: && (>= monoandroid12.0) (>= netcoreapp3.1)
      Xamarin.AndroidX.Collection (>= 1.2.0.6) - restriction: && (>= monoandroid12.0) (>= netcoreapp3.1)
    Xamarin.Google.Guava.ListenableFuture (1.0.0.11) - restriction: && (>= monoandroid12.0) (< net6.0) (>= netcoreapp3.1)
    Xamarin.Jetbrains.Annotations (24.0.0.1) - restriction: && (>= monoandroid12.0) (< net6.0) (>= netcoreapp3.1)
    Xamarin.Kotlin.StdLib (1.8.10) - restriction: && (>= monoandroid12.0) (< net6.0) (>= netcoreapp3.1)
      Xamarin.Jetbrains.Annotations (>= 24.0.0.1) - restriction: && (>= monoandroid12.0) (>= netcoreapp3.1)
      Xamarin.Kotlin.StdLib.Common (>= 1.8.10) - restriction: && (>= monoandroid12.0) (>= netcoreapp3.1)
    Xamarin.Kotlin.StdLib.Common (1.8.10) - restriction: && (>= monoandroid12.0) (< net6.0) (>= netcoreapp3.1)
    xunit (2.4.1)
      xunit.analyzers (>= 0.10)
      xunit.assert (2.4.1)
      xunit.core (2.4.1)
    xunit.abstractions (2.0.3)
    xunit.analyzers (1.1)
    xunit.assert (2.4.1)
      NETStandard.Library (>= 1.6.1)
    xunit.core (2.4.1)
      xunit.extensibility.core (2.4.1)
      xunit.extensibility.execution (2.4.1)
    xunit.extensibility.core (2.4.1)
      NETStandard.Library (>= 1.6.1)
      xunit.abstractions (>= 2.0.3)
    xunit.extensibility.execution (2.4.1)
      NETStandard.Library (>= 1.6.1)
      xunit.extensibility.core (2.4.1)
    xunit.runner.visualstudio (2.4.1)
      Microsoft.NET.Test.Sdk (>= 15.0)

GROUP TestProjects
STORAGE: NONE
RESTRICTION: >= netstandard2.1
NUGET
  remote: https://api.nuget.org/v3/index.json
    Azure.Core (1.29)
      Microsoft.Bcl.AsyncInterfaces (>= 1.1.1)
      System.Diagnostics.DiagnosticSource (>= 4.6)
      System.Memory.Data (>= 1.0.2)
      System.Numerics.Vectors (>= 4.5)
      System.Text.Encodings.Web (>= 4.7.2)
      System.Text.Json (>= 4.7.2)
      System.Threading.Tasks.Extensions (>= 4.5.4)
    Azure.Identity (1.8.2)
      Azure.Core (>= 1.25)
      Microsoft.Identity.Client (>= 4.49.1)
      Microsoft.Identity.Client.Extensions.Msal (>= 2.25.3)
      System.Memory (>= 4.5.4)
      System.Security.Cryptography.ProtectedData (>= 4.7)
      System.Text.Json (>= 4.7.2)
      System.Threading.Tasks.Extensions (>= 4.5.4)
    FSharp.Core (4.3.4)
    Microsoft.Bcl.AsyncInterfaces (7.0)
    Microsoft.CSharp (4.7)
    Microsoft.Data.SqlClient (5.1)
      Azure.Identity (>= 1.7)
      Microsoft.Data.SqlClient.SNI.runtime (>= 5.1)
      Microsoft.Identity.Client (>= 4.47.2)
      Microsoft.IdentityModel.JsonWebTokens (>= 6.24)
      Microsoft.IdentityModel.Protocols.OpenIdConnect (>= 6.24)
      Microsoft.SqlServer.Server (>= 1.0)
      Microsoft.Win32.Registry (>= 5.0) - restriction: && (< net6.0) (>= netstandard2.1)
      System.Configuration.ConfigurationManager (>= 6.0.1)
      System.Diagnostics.DiagnosticSource (>= 6.0) - restriction: >= net6.0
      System.Runtime.Caching (>= 6.0)
      System.Runtime.Loader (>= 4.3) - restriction: && (< net6.0) (>= netstandard2.1)
      System.Security.Cryptography.Cng (>= 5.0)
      System.Security.Principal.Windows (>= 5.0)
      System.Text.Encoding.CodePages (>= 6.0)
      System.Text.Encodings.Web (>= 6.0)
    Microsoft.Data.SqlClient.SNI.runtime (5.1)
    Microsoft.Identity.Client (4.50)
      Microsoft.CSharp (>= 4.5) - restriction: && (< net6.0) (>= xamarinios)
      Microsoft.IdentityModel.Abstractions (>= 6.22) - restriction: || (&& (>= monoandroid10.0) (< net6.0)) (&& (< monoandroid10.0) (>= monoandroid9.0) (< netcoreapp2.1) (>= netstandard2.1)) (&& (< monoandroid9.0) (>= net6.0) (< xamarinios)) (&& (< monoandroid9.0) (< net6.0) (>= netcoreapp2.1) (>= netstandard2.1) (< xamarinios)) (&& (< monoandroid9.0) (< netcoreapp2.1) (>= netstandard2.1) (< xamarinios)) (&& (>= net45) (< netstandard2.0) (>= netstandard2.1)) (&& (>= net461) (>= netstandard2.1)) (&& (< net6.0) (>= xamarinios)) (>= net6.0-android) (>= net6.0-ios) (>= net6.0-windows10.0.17763.0)
      Microsoft.Web.WebView2 (>= 1.0.864.35) - restriction: >= net6.0-windows10.0.17763.0
      System.ComponentModel.TypeConverter (>= 4.3) - restriction: && (< net6.0) (>= xamarinios)
      System.Runtime.InteropServices.NFloat.Internal (>= 6.0.1) - restriction: >= net6.0-ios
      System.Runtime.Serialization.Formatters (>= 4.3) - restriction: && (< net6.0) (>= xamarinios)
      System.Runtime.Serialization.Primitives (>= 4.3) - restriction: && (< net6.0) (>= xamarinios)
      System.Security.SecureString (>= 4.3) - restriction: || (&& (>= monoandroid10.0) (< net6.0)) (&& (< monoandroid10.0) (>= monoandroid9.0) (< netcoreapp2.1) (>= netstandard2.1)) (&& (< net6.0) (>= xamarinios)) (>= net6.0-android) (>= net6.0-ios)
      System.Xml.XmlDocument (>= 4.3) - restriction: && (< net6.0) (>= xamarinios)
      Xamarin.AndroidX.Browser (>= 1.0) - restriction: && (>= monoandroid10.0) (< net6.0)
    Microsoft.Identity.Client.Extensions.Msal (2.26)
      Microsoft.Identity.Client (>= 4.50)
      System.IO.FileSystem.AccessControl (>= 5.0)
      System.Security.Cryptography.ProtectedData (>= 4.5)
    Microsoft.IdentityModel.Abstractions (6.27)
    Microsoft.IdentityModel.JsonWebTokens (6.27)
      Microsoft.IdentityModel.Tokens (>= 6.27)
      System.Text.Encoding (>= 4.3)
      System.Text.Encodings.Web (>= 4.7.2)
      System.Text.Json (>= 4.7.2)
    Microsoft.IdentityModel.Logging (6.27)
      Microsoft.IdentityModel.Abstractions (>= 6.27)
    Microsoft.IdentityModel.Protocols (6.27)
      Microsoft.IdentityModel.Logging (>= 6.27)
      Microsoft.IdentityModel.Tokens (>= 6.27)
    Microsoft.IdentityModel.Protocols.OpenIdConnect (6.27)
      Microsoft.IdentityModel.Protocols (>= 6.27)
      System.IdentityModel.Tokens.Jwt (>= 6.27)
      System.Text.Encoding (>= 4.3) - restriction: || (&& (>= net461) (>= netstandard2.1)) (&& (< net6.0) (>= netstandard2.1))
      System.Text.Encodings.Web (>= 4.7.2) - restriction: || (&& (>= net461) (>= netstandard2.1)) (&& (< net6.0) (>= netstandard2.1))
      System.Text.Json (>= 4.7.2) - restriction: || (&& (>= net461) (>= netstandard2.1)) (&& (< net6.0) (>= netstandard2.1))
    Microsoft.IdentityModel.Tokens (6.27)
      Microsoft.CSharp (>= 4.5)
      Microsoft.IdentityModel.Logging (>= 6.27)
      System.Security.Cryptography.Cng (>= 4.5)
      System.Text.Encoding (>= 4.3) - restriction: || (&& (>= net461) (>= netstandard2.1)) (&& (< net6.0) (>= netstandard2.1))
      System.Text.Encodings.Web (>= 4.7.2) - restriction: || (&& (>= net461) (>= netstandard2.1)) (&& (< net6.0) (>= netstandard2.1))
      System.Text.Json (>= 4.7.2) - restriction: || (&& (>= net461) (>= netstandard2.1)) (&& (< net6.0) (>= netstandard2.1))
    Microsoft.NETCore.Platforms (7.0) - restriction: || (&& (< monoandroid) (< netstandard1.2) (>= netstandard2.1)) (&& (< monoandroid) (< netstandard1.3) (>= netstandard2.1)) (&& (< monoandroid) (< netstandard1.5) (>= netstandard2.1)) (&& (< monoandroid) (>= netstandard2.1) (< xamarinios) (< xamarinmac) (< xamarintvos) (< xamarinwatchos)) (&& (< net6.0) (>= netstandard2.1) (< xamarinios) (< xamarinmac) (< xamarintvos) (< xamarinwatchos))
    Microsoft.NETCore.Targets (5.0) - restriction: || (&& (< monoandroid) (< netstandard1.2) (>= netstandard2.1)) (&& (< monoandroid) (< netstandard1.3) (>= netstandard2.1)) (&& (< monoandroid) (< netstandard1.5) (>= netstandard2.1)) (&& (< monoandroid) (>= netstandard2.1) (< xamarinios) (< xamarinmac) (< xamarintvos) (< xamarinwatchos)) (&& (< net6.0) (>= netstandard2.1) (< xamarinios) (< xamarinmac) (< xamarintvos) (< xamarinwatchos))
    Microsoft.SqlServer.Server (1.0)
    Microsoft.Web.WebView2 (1.0.1587.40) - restriction: >= net6.0-windows10.0.17763.0
    Microsoft.Win32.Registry (5.0) - restriction: && (< net6.0) (>= netstandard2.1)
      System.Buffers (>= 4.5.1) - restriction: || (&& (>= monoandroid) (< netstandard1.3) (>= netstandard2.1)) (&& (>= monotouch) (>= netstandard2.1)) (&& (< netcoreapp2.0) (>= netstandard2.1)) (&& (>= netstandard2.1) (>= xamarintvos)) (&& (>= netstandard2.1) (>= xamarinwatchos)) (>= xamarinios) (>= xamarinmac)
      System.Memory (>= 4.5.4) - restriction: || (&& (< monoandroid) (>= netcoreapp2.0) (< netcoreapp2.1) (>= netstandard2.1) (< xamarinios) (< xamarinmac) (< xamarintvos) (< xamarinwatchos)) (&& (< netcoreapp2.0) (>= netstandard2.1) (< xamarinios) (< xamarinmac) (< xamarintvos) (< xamarinwatchos)) (&& (>= netstandard2.1) (>= uap10.1))
      System.Security.AccessControl (>= 5.0)
      System.Security.Principal.Windows (>= 5.0)
    Microsoft.Win32.SystemEvents (7.0) - restriction: >= net6.0
    System.Buffers (4.5.1) - restriction: || (&& (>= monoandroid) (< netstandard1.3) (>= netstandard2.1)) (&& (>= monotouch) (>= netstandard2.1)) (&& (>= net462) (>= netcoreapp3.0)) (&& (>= net462) (>= netstandard2.1)) (&& (< net6.0) (>= netcoreapp3.0) (< xamarintvos) (< xamarinwatchos)) (&& (< net6.0) (>= netstandard2.1)) (&& (< netcoreapp2.0) (>= netstandard2.1)) (&& (>= netstandard2.1) (>= xamarintvos)) (&& (>= netstandard2.1) (>= xamarinwatchos)) (>= xamarinios) (>= xamarinmac)
    System.ComponentModel.TypeConverter (4.3) - restriction: && (< net6.0) (>= xamarinios)
    System.Configuration.ConfigurationManager (7.0)
      System.Diagnostics.EventLog (>= 7.0) - restriction: >= net7.0
      System.Security.Cryptography.ProtectedData (>= 7.0)
      System.Security.Permissions (>= 7.0)
    System.Diagnostics.DiagnosticSource (7.0.1)
      System.Runtime.CompilerServices.Unsafe (>= 6.0) - restriction: || (&& (>= net462) (>= netstandard2.1)) (&& (>= net6.0) (< net7.0)) (&& (< net6.0) (>= netstandard2.1))
    System.Diagnostics.EventLog (7.0) - restriction: >= net7.0
    System.Drawing.Common (7.0) - restriction: >= net6.0
      Microsoft.Win32.SystemEvents (>= 7.0) - restriction: >= net6.0
    System.Formats.Asn1 (7.0) - restriction: && (>= netcoreapp3.0) (< xamarinios) (< xamarinmac) (< xamarintvos) (< xamarinwatchos)
      System.Buffers (>= 4.5.1) - restriction: || (&& (>= net462) (>= netstandard2.1)) (&& (< net6.0) (>= netstandard2.1))
      System.Memory (>= 4.5.5) - restriction: || (&& (>= net462) (>= netstandard2.1)) (&& (< net6.0) (>= netstandard2.1))
    System.IdentityModel.Tokens.Jwt (6.27)
      Microsoft.IdentityModel.JsonWebTokens (>= 6.27)
      Microsoft.IdentityModel.Tokens (>= 6.27)
    System.IO (4.3) - restriction: && (< net6.0) (>= netstandard2.1) (< xamarinios) (< xamarinmac) (< xamarintvos) (< xamarinwatchos)
      Microsoft.NETCore.Platforms (>= 1.1) - restriction: || (&& (< monoandroid) (< netstandard1.3) (>= netstandard2.1)) (&& (< monoandroid) (< netstandard1.5) (>= netstandard2.1)) (&& (>= netstandard2.1) (< xamarinios) (< xamarinmac) (< xamarintvos) (< xamarinwatchos))
      Microsoft.NETCore.Targets (>= 1.1) - restriction: || (&& (< monoandroid) (< netstandard1.3) (>= netstandard2.1)) (&& (< monoandroid) (< netstandard1.5) (>= netstandard2.1)) (&& (>= netstandard2.1) (< xamarinios) (< xamarinmac) (< xamarintvos) (< xamarinwatchos))
      System.Runtime (>= 4.3) - restriction: || (&& (< monoandroid) (< netstandard1.3) (>= netstandard2.1)) (&& (< monoandroid) (< netstandard1.5) (>= netstandard2.1)) (&& (>= netstandard2.1) (< xamarinios) (< xamarinmac) (< xamarintvos) (< xamarinwatchos))
      System.Text.Encoding (>= 4.3) - restriction: || (&& (< monoandroid) (< netstandard1.3) (>= netstandard2.1)) (&& (< monoandroid) (< netstandard1.5) (>= netstandard2.1)) (&& (>= netstandard2.1) (< xamarinios) (< xamarinmac) (< xamarintvos) (< xamarinwatchos))
      System.Threading.Tasks (>= 4.3) - restriction: || (&& (< monoandroid) (< netstandard1.3) (>= netstandard2.1)) (&& (< monoandroid) (< netstandard1.5) (>= netstandard2.1)) (&& (>= netstandard2.1) (< xamarinios) (< xamarinmac) (< xamarintvos) (< xamarinwatchos))
    System.IO.FileSystem.AccessControl (5.0)
      System.Buffers (>= 4.5.1) - restriction: || (&& (>= monoandroid) (< netstandard1.3) (>= netstandard2.1)) (&& (>= monotouch) (>= netstandard2.1)) (&& (< netcoreapp2.0) (>= netstandard2.1)) (&& (>= netstandard2.1) (>= xamarintvos)) (&& (>= netstandard2.1) (>= xamarinwatchos)) (>= xamarinios) (>= xamarinmac)
      System.Memory (>= 4.5.4) - restriction: || (&& (< monoandroid) (>= netcoreapp2.0) (< netcoreapp2.1) (>= netstandard2.1) (< xamarinios) (< xamarinmac) (< xamarintvos) (< xamarinwatchos)) (&& (< netcoreapp2.0) (>= netstandard2.1) (< xamarinios) (< xamarinmac) (< xamarintvos) (< xamarinwatchos)) (&& (>= netstandard2.1) (>= uap10.1))
      System.Security.AccessControl (>= 5.0)
      System.Security.Principal.Windows (>= 5.0)
    System.Memory (4.5.5)
      System.Buffers (>= 4.5.1) - restriction: || (&& (>= monoandroid) (< netstandard1.1) (>= netstandard2.1)) (&& (< monoandroid) (< netstandard1.1) (>= netstandard2.1)) (&& (< monoandroid) (< netstandard2.0) (>= netstandard2.1)) (&& (>= monotouch) (>= netstandard2.1)) (&& (>= net45) (< netstandard2.0) (>= netstandard2.1)) (&& (>= net461) (>= netstandard2.1)) (&& (< netcoreapp2.0) (>= netstandard2.1)) (&& (< netstandard1.1) (>= netstandard2.1) (>= win8)) (&& (< netstandard2.0) (>= netstandard2.1) (>= wpa81)) (&& (>= netstandard2.1) (>= xamarintvos)) (&& (>= netstandard2.1) (>= xamarinwatchos)) (>= xamarinios) (>= xamarinmac)
      System.Numerics.Vectors (>= 4.4) - restriction: && (< netcoreapp2.0) (>= netstandard2.1) (< xamarinios) (< xamarinmac) (< xamarintvos) (< xamarinwatchos)
      System.Runtime.CompilerServices.Unsafe (>= 4.5.3) - restriction: || (&& (>= monoandroid) (< netstandard1.1) (>= netstandard2.1)) (&& (< monoandroid) (>= netcoreapp2.0) (< netcoreapp2.1) (>= netstandard2.1)) (&& (< monoandroid) (< netstandard1.1) (>= netstandard2.1)) (&& (< monoandroid) (< netstandard2.0) (>= netstandard2.1)) (&& (>= monotouch) (>= netstandard2.1)) (&& (>= net45) (< netstandard2.0) (>= netstandard2.1)) (&& (>= net461) (>= netstandard2.1)) (&& (< netcoreapp2.0) (>= netstandard2.1)) (&& (< netstandard1.1) (>= netstandard2.1) (>= win8)) (&& (< netstandard2.0) (>= netstandard2.1) (>= wpa81)) (&& (>= netstandard2.1) (>= uap10.1)) (&& (>= netstandard2.1) (>= xamarintvos)) (&& (>= netstandard2.1) (>= xamarinwatchos)) (>= xamarinios) (>= xamarinmac)
    System.Memory.Data (7.0)
      System.Memory (>= 4.5.5) - restriction: || (&& (>= net462) (>= netstandard2.1)) (&& (< net6.0) (>= netstandard2.1))
      System.Text.Json (>= 7.0)
    System.Numerics.Vectors (4.5)
    System.Reflection (4.3) - restriction: && (< net6.0) (>= netstandard2.1) (< xamarinios) (< xamarinmac) (< xamarintvos) (< xamarinwatchos)
      Microsoft.NETCore.Platforms (>= 1.1) - restriction: || (&& (< monoandroid) (< netstandard1.3) (>= netstandard2.1)) (&& (< monoandroid) (< netstandard1.5) (>= netstandard2.1)) (&& (>= netstandard2.1) (< xamarinios) (< xamarinmac) (< xamarintvos) (< xamarinwatchos))
      Microsoft.NETCore.Targets (>= 1.1) - restriction: || (&& (< monoandroid) (< netstandard1.3) (>= netstandard2.1)) (&& (< monoandroid) (< netstandard1.5) (>= netstandard2.1)) (&& (>= netstandard2.1) (< xamarinios) (< xamarinmac) (< xamarintvos) (< xamarinwatchos))
      System.IO (>= 4.3) - restriction: || (&& (< monoandroid) (< netstandard1.3) (>= netstandard2.1)) (&& (< monoandroid) (< netstandard1.5) (>= netstandard2.1)) (&& (>= netstandard2.1) (< xamarinios) (< xamarinmac) (< xamarintvos) (< xamarinwatchos))
      System.Reflection.Primitives (>= 4.3) - restriction: || (&& (< monoandroid) (< netstandard1.3) (>= netstandard2.1)) (&& (< monoandroid) (< netstandard1.5) (>= netstandard2.1)) (&& (>= netstandard2.1) (< xamarinios) (< xamarinmac) (< xamarintvos) (< xamarinwatchos))
      System.Runtime (>= 4.3) - restriction: || (&& (< monoandroid) (< netstandard1.3) (>= netstandard2.1)) (&& (< monoandroid) (< netstandard1.5) (>= netstandard2.1)) (&& (>= netstandard2.1) (< xamarinios) (< xamarinmac) (< xamarintvos) (< xamarinwatchos))
    System.Reflection.Primitives (4.3) - restriction: || (&& (< monoandroid) (< netstandard1.3) (>= netstandard2.1)) (&& (< monoandroid) (< netstandard1.5) (>= netstandard2.1)) (&& (< net6.0) (>= netstandard2.1) (< xamarinios) (< xamarinmac) (< xamarintvos) (< xamarinwatchos))
      Microsoft.NETCore.Platforms (>= 1.1) - restriction: && (< monoandroid) (>= netstandard2.1) (< xamarinios) (< xamarinmac) (< xamarintvos) (< xamarinwatchos)
      Microsoft.NETCore.Targets (>= 1.1) - restriction: && (< monoandroid) (>= netstandard2.1) (< xamarinios) (< xamarinmac) (< xamarintvos) (< xamarinwatchos)
      System.Runtime (>= 4.3) - restriction: && (< monoandroid) (>= netstandard2.1) (< xamarinios) (< xamarinmac) (< xamarintvos) (< xamarinwatchos)
    System.Runtime (4.3.1) - restriction: || (&& (< monoandroid) (< netstandard1.3) (>= netstandard2.1)) (&& (< monoandroid) (< netstandard1.5) (>= netstandard2.1)) (&& (< monoandroid) (>= netstandard2.1) (< xamarinios) (< xamarinmac) (< xamarintvos) (< xamarinwatchos)) (&& (< net6.0) (>= netstandard2.1) (< xamarinios) (< xamarinmac) (< xamarintvos) (< xamarinwatchos))
      Microsoft.NETCore.Platforms (>= 1.1.1) - restriction: || (&& (< monoandroid) (< netstandard1.2) (>= netstandard2.1)) (&& (< monoandroid) (< netstandard1.3) (>= netstandard2.1)) (&& (< monoandroid) (< netstandard1.5) (>= netstandard2.1)) (&& (>= netstandard2.1) (< xamarinios) (< xamarinmac) (< xamarintvos) (< xamarinwatchos))
      Microsoft.NETCore.Targets (>= 1.1.3) - restriction: || (&& (< monoandroid) (< netstandard1.2) (>= netstandard2.1)) (&& (< monoandroid) (< netstandard1.3) (>= netstandard2.1)) (&& (< monoandroid) (< netstandard1.5) (>= netstandard2.1)) (&& (>= netstandard2.1) (< xamarinios) (< xamarinmac) (< xamarintvos) (< xamarinwatchos))
    System.Runtime.Caching (7.0)
      System.Configuration.ConfigurationManager (>= 7.0)
    System.Runtime.CompilerServices.Unsafe (6.0) - restriction: || (&& (>= monoandroid) (< netstandard1.1) (>= netstandard2.1)) (&& (< monoandroid) (>= netcoreapp2.0) (< netcoreapp2.1) (>= netstandard2.1)) (&& (< monoandroid) (< netstandard1.0) (>= netstandard2.1)) (&& (< monoandroid) (< netstandard1.1) (>= netstandard2.1)) (&& (< monoandroid) (< netstandard2.0) (>= netstandard2.1)) (&& (>= monotouch) (>= netstandard2.1)) (&& (>= net45) (< netstandard2.0) (>= netstandard2.1)) (&& (>= net461) (>= netstandard2.1)) (&& (>= net462) (>= net6.0)) (&& (>= net462) (>= netstandard2.1)) (&& (>= net6.0) (< net7.0)) (&& (< net6.0) (>= netstandard2.1)) (&& (< net6.0) (>= xamarinios)) (&& (< net6.0) (>= xamarinmac)) (&& (< netcoreapp2.0) (>= netstandard2.1)) (&& (< netcoreapp2.1) (>= netstandard2.1) (< xamarinios) (< xamarinmac) (< xamarintvos) (< xamarinwatchos)) (&& (< netstandard1.0) (>= netstandard2.1) (>= win8)) (&& (< netstandard1.1) (>= netstandard2.1) (>= win8)) (&& (< netstandard2.0) (>= netstandard2.1) (>= wpa81)) (&& (>= netstandard2.1) (>= uap10.1)) (&& (>= netstandard2.1) (>= wp8))
    System.Runtime.InteropServices.NFloat.Internal (6.0.1) - restriction: >= net6.0-ios
    System.Runtime.Loader (4.3) - restriction: && (< net6.0) (>= netstandard2.1)
      System.IO (>= 4.3) - restriction: && (>= netstandard2.1) (< xamarinios) (< xamarinmac) (< xamarintvos) (< xamarinwatchos)
      System.Reflection (>= 4.3) - restriction: && (>= netstandard2.1) (< xamarinios) (< xamarinmac) (< xamarintvos) (< xamarinwatchos)
      System.Runtime (>= 4.3) - restriction: && (>= netstandard2.1) (< xamarinios) (< xamarinmac) (< xamarintvos) (< xamarinwatchos)
    System.Runtime.Serialization.Formatters (4.3) - restriction: && (< net6.0) (>= xamarinios)
    System.Runtime.Serialization.Primitives (4.3) - restriction: && (< net6.0) (>= xamarinios)
    System.Security.AccessControl (6.0)
      System.Security.Principal.Windows (>= 5.0) - restriction: || (&& (>= net461) (>= netstandard2.1)) (&& (< net6.0) (>= netstandard2.1))
    System.Security.Cryptography.Cng (5.0)
      System.Formats.Asn1 (>= 5.0) - restriction: && (>= netcoreapp3.0) (< xamarinios) (< xamarinmac) (< xamarintvos) (< xamarinwatchos)
    System.Security.Cryptography.ProtectedData (7.0.1)
      System.Memory (>= 4.5.5) - restriction: && (< net6.0) (>= netstandard2.1)
    System.Security.Permissions (7.0)
      System.Security.AccessControl (>= 6.0) - restriction: || (&& (>= net462) (>= netstandard2.1)) (&& (< net6.0) (>= netstandard2.1))
      System.Windows.Extensions (>= 7.0) - restriction: >= net6.0
    System.Security.Principal.Windows (5.0)
    System.Security.SecureString (4.3) - restriction: || (&& (>= monoandroid10.0) (< net6.0)) (&& (< monoandroid10.0) (>= monoandroid9.0) (< netcoreapp2.1) (>= netstandard2.1)) (&& (< net6.0) (>= xamarinios)) (>= net6.0-android) (>= net6.0-ios)
    System.Text.Encoding (4.3)
      Microsoft.NETCore.Platforms (>= 1.1) - restriction: || (&& (< monoandroid) (< netstandard1.3) (>= netstandard2.1)) (&& (< monoandroid) (>= netstandard2.1) (< xamarinios) (< xamarinmac) (< xamarintvos) (< xamarinwatchos))
      Microsoft.NETCore.Targets (>= 1.1) - restriction: || (&& (< monoandroid) (< netstandard1.3) (>= netstandard2.1)) (&& (< monoandroid) (>= netstandard2.1) (< xamarinios) (< xamarinmac) (< xamarintvos) (< xamarinwatchos))
      System.Runtime (>= 4.3) - restriction: || (&& (< monoandroid) (< netstandard1.3) (>= netstandard2.1)) (&& (< monoandroid) (>= netstandard2.1) (< xamarinios) (< xamarinmac) (< xamarintvos) (< xamarinwatchos))
    System.Text.Encoding.CodePages (7.0)
      System.Memory (>= 4.5.5) - restriction: || (&& (>= net462) (>= netstandard2.1)) (&& (< net6.0) (>= netstandard2.1))
      System.Runtime.CompilerServices.Unsafe (>= 6.0) - restriction: || (&& (>= net462) (>= netstandard2.1)) (&& (>= net6.0) (< net7.0)) (&& (< net6.0) (>= netstandard2.1))
    System.Text.Encodings.Web (7.0)
      System.Buffers (>= 4.5.1) - restriction: || (&& (>= net462) (>= netstandard2.1)) (&& (< net6.0) (>= netstandard2.1))
      System.Memory (>= 4.5.5) - restriction: || (&& (>= net462) (>= netstandard2.1)) (&& (< net6.0) (>= netstandard2.1))
      System.Runtime.CompilerServices.Unsafe (>= 6.0) - restriction: || (&& (>= net462) (>= netstandard2.1)) (&& (>= net6.0) (< net7.0)) (&& (< net6.0) (>= netstandard2.1))
    System.Text.Json (7.0.2)
      Microsoft.Bcl.AsyncInterfaces (>= 7.0) - restriction: || (&& (>= net462) (>= netstandard2.1)) (&& (< net6.0) (>= netstandard2.1))
      System.Buffers (>= 4.5.1) - restriction: || (&& (>= net462) (>= netstandard2.1)) (&& (< net6.0) (>= netstandard2.1))
      System.Memory (>= 4.5.5) - restriction: || (&& (>= net462) (>= netstandard2.1)) (&& (< net6.0) (>= netstandard2.1))
      System.Numerics.Vectors (>= 4.5) - restriction: || (&& (>= net462) (>= netstandard2.1)) (&& (< net6.0) (>= netstandard2.1))
      System.Runtime.CompilerServices.Unsafe (>= 6.0) - restriction: || (&& (>= net462) (>= netstandard2.1)) (&& (>= net6.0) (< net7.0)) (&& (< net6.0) (>= netstandard2.1))
      System.Text.Encodings.Web (>= 7.0)
      System.Threading.Tasks.Extensions (>= 4.5.4) - restriction: || (&& (>= net462) (>= netstandard2.1)) (&& (< net6.0) (>= netstandard2.1))
    System.Threading.Tasks (4.3) - restriction: || (&& (< monoandroid) (< netstandard1.3) (>= netstandard2.1)) (&& (< monoandroid) (< netstandard1.5) (>= netstandard2.1)) (&& (< net6.0) (>= netstandard2.1) (< xamarinios) (< xamarinmac) (< xamarintvos) (< xamarinwatchos))
      Microsoft.NETCore.Platforms (>= 1.1) - restriction: || (&& (< monoandroid) (< netstandard1.3) (>= netstandard2.1)) (&& (< monoandroid) (>= netstandard2.1) (< xamarinios) (< xamarinmac) (< xamarintvos) (< xamarinwatchos))
      Microsoft.NETCore.Targets (>= 1.1) - restriction: || (&& (< monoandroid) (< netstandard1.3) (>= netstandard2.1)) (&& (< monoandroid) (>= netstandard2.1) (< xamarinios) (< xamarinmac) (< xamarintvos) (< xamarinwatchos))
      System.Runtime (>= 4.3) - restriction: || (&& (< monoandroid) (< netstandard1.3) (>= netstandard2.1)) (&& (< monoandroid) (>= netstandard2.1) (< xamarinios) (< xamarinmac) (< xamarintvos) (< xamarinwatchos))
    System.Threading.Tasks.Extensions (4.5.4)
      System.Runtime.CompilerServices.Unsafe (>= 4.5.3) - restriction: || (&& (< monoandroid) (< netstandard1.0) (>= netstandard2.1)) (&& (< monoandroid) (< netstandard2.0) (>= netstandard2.1) (< xamarintvos) (< xamarinwatchos)) (&& (>= net45) (< netstandard2.0) (>= netstandard2.1)) (&& (>= net461) (>= netstandard2.1)) (&& (< netcoreapp2.1) (>= netstandard2.1) (< xamarinios) (< xamarinmac) (< xamarintvos) (< xamarinwatchos)) (&& (< netstandard1.0) (>= netstandard2.1) (>= win8)) (&& (< netstandard2.0) (>= netstandard2.1) (>= wpa81)) (&& (>= netstandard2.1) (>= wp8))
    System.Windows.Extensions (7.0) - restriction: >= net6.0
      System.Drawing.Common (>= 7.0) - restriction: >= net6.0
    System.Xml.XmlDocument (4.3) - restriction: && (< net6.0) (>= xamarinios)
    Xamarin.AndroidX.Annotation (1.5.0.2) - restriction: && (>= monoandroid12.0) (< net6.0)
      Xamarin.AndroidX.Migration (>= 1.0.10) - restriction: && (>= monoandroid12.0) (< net6.0-android)
      Xamarin.Kotlin.StdLib (>= 1.8.0.1) - restriction: >= monoandroid12.0
    Xamarin.AndroidX.Annotation.Experimental (1.3.0.2) - restriction: && (>= monoandroid12.0) (< net6.0)
      Xamarin.Kotlin.StdLib (>= 1.8.0.1) - restriction: >= monoandroid12.0
    Xamarin.AndroidX.Arch.Core.Common (2.1.0.17) - restriction: && (>= monoandroid12.0) (< net6.0)
      Xamarin.AndroidX.Annotation (>= 1.5.0.2) - restriction: >= monoandroid12.0
    Xamarin.AndroidX.Arch.Core.Runtime (2.1.0.17) - restriction: && (>= monoandroid12.0) (< net6.0)
      Xamarin.AndroidX.Annotation (>= 1.5.0.2) - restriction: >= monoandroid12.0
      Xamarin.AndroidX.Arch.Core.Common (>= 2.1.0.17) - restriction: >= monoandroid12.0
    Xamarin.AndroidX.Browser (1.4.0.4) - restriction: && (>= monoandroid10.0) (< net6.0)
      Xamarin.AndroidX.Annotation (>= 1.5.0.2) - restriction: >= monoandroid12.0
      Xamarin.AndroidX.Collection (>= 1.2.0.6) - restriction: >= monoandroid12.0
      Xamarin.AndroidX.Concurrent.Futures (>= 1.1.0.11) - restriction: >= monoandroid12.0
      Xamarin.AndroidX.Core (>= 1.9.0.2) - restriction: >= monoandroid12.0
      Xamarin.AndroidX.Interpolator (>= 1.0.0.16) - restriction: >= monoandroid12.0
      Xamarin.Google.Guava.ListenableFuture (>= 1.0.0.11) - restriction: >= monoandroid12.0
    Xamarin.AndroidX.Collection (1.2.0.6) - restriction: && (>= monoandroid12.0) (< net6.0)
      Xamarin.AndroidX.Annotation (>= 1.5.0.2) - restriction: >= monoandroid12.0
    Xamarin.AndroidX.Concurrent.Futures (1.1.0.11) - restriction: && (>= monoandroid12.0) (< net6.0)
      Xamarin.AndroidX.Annotation (>= 1.5.0.2) - restriction: >= monoandroid12.0
      Xamarin.Google.Guava.ListenableFuture (>= 1.0.0.11) - restriction: >= monoandroid12.0
    Xamarin.AndroidX.Core (1.9.0.2) - restriction: && (>= monoandroid12.0) (< net6.0)
      Xamarin.AndroidX.Annotation (>= 1.5.0.2) - restriction: >= monoandroid12.0
      Xamarin.AndroidX.Annotation.Experimental (>= 1.3.0.2) - restriction: >= monoandroid12.0
      Xamarin.AndroidX.Collection (>= 1.2.0.6) - restriction: >= monoandroid12.0
      Xamarin.AndroidX.Concurrent.Futures (>= 1.1.0.11) - restriction: >= monoandroid12.0
      Xamarin.AndroidX.Lifecycle.Runtime (>= 2.5.1.2) - restriction: >= monoandroid12.0
      Xamarin.AndroidX.VersionedParcelable (>= 1.1.1.16) - restriction: >= monoandroid12.0
    Xamarin.AndroidX.Interpolator (1.0.0.16) - restriction: && (>= monoandroid12.0) (< net6.0)
      Xamarin.AndroidX.Annotation (>= 1.5.0.2) - restriction: >= monoandroid12.0
    Xamarin.AndroidX.Lifecycle.Common (2.5.1.2) - restriction: && (>= monoandroid12.0) (< net6.0)
      Xamarin.AndroidX.Annotation (>= 1.5.0.2) - restriction: >= monoandroid12.0
    Xamarin.AndroidX.Lifecycle.Runtime (2.5.1.2) - restriction: && (>= monoandroid12.0) (< net6.0)
      Xamarin.AndroidX.Annotation (>= 1.5.0.2) - restriction: >= monoandroid12.0
      Xamarin.AndroidX.Arch.Core.Common (>= 2.1.0.17) - restriction: >= monoandroid12.0
      Xamarin.AndroidX.Arch.Core.Runtime (>= 2.1.0.17) - restriction: >= monoandroid12.0
      Xamarin.AndroidX.Lifecycle.Common (>= 2.5.1.2) - restriction: >= monoandroid12.0
    Xamarin.AndroidX.Migration (1.0.10) - restriction: && (>= monoandroid12.0) (< net6.0)
    Xamarin.AndroidX.VersionedParcelable (1.1.1.16) - restriction: && (>= monoandroid12.0) (< net6.0)
      Xamarin.AndroidX.Annotation (>= 1.5.0.2) - restriction: >= monoandroid12.0
      Xamarin.AndroidX.Collection (>= 1.2.0.6) - restriction: >= monoandroid12.0
    Xamarin.Google.Guava.ListenableFuture (1.0.0.11) - restriction: && (>= monoandroid12.0) (< net6.0)
    Xamarin.Jetbrains.Annotations (24.0.0.1) - restriction: && (>= monoandroid12.0) (< net6.0)
    Xamarin.Kotlin.StdLib (1.8.10) - restriction: && (>= monoandroid12.0) (< net6.0)
      Xamarin.Jetbrains.Annotations (>= 24.0.0.1) - restriction: >= monoandroid12.0
      Xamarin.Kotlin.StdLib.Common (>= 1.8.10) - restriction: >= monoandroid12.0
    Xamarin.Kotlin.StdLib.Common (1.8.10) - restriction: && (>= monoandroid12.0) (< net6.0)
